RESTRICTION: || (== net40) (== net45) (== netstandard1.6)
NUGET
  remote: https://www.nuget.org/api/v2
    FSharp.Core (4.1.18)
      System.Collections (>= 4.0.11) - restriction: || (&& (== net40) (< net20) (>= netstandard1.6)) (&& (== net45) (< net20) (>= netstandard1.6)) (== netstandard1.6)
      System.Console (>= 4.0) - restriction: || (&& (== net40) (< net20) (>= netstandard1.6)) (&& (== net45) (< net20) (>= netstandard1.6)) (== netstandard1.6)
      System.Diagnostics.Debug (>= 4.0.11) - restriction: || (&& (== net40) (< net20) (>= netstandard1.6)) (&& (== net45) (< net20) (>= netstandard1.6)) (== netstandard1.6)
      System.Diagnostics.Tools (>= 4.0.1) - restriction: || (&& (== net40) (< net20) (>= netstandard1.6)) (&& (== net45) (< net20) (>= netstandard1.6)) (== netstandard1.6)
      System.Globalization (>= 4.0.11) - restriction: || (&& (== net40) (< net20) (>= netstandard1.6)) (&& (== net45) (< net20) (>= netstandard1.6)) (== netstandard1.6)
      System.IO (>= 4.1) - restriction: || (&& (== net40) (< net20) (>= netstandard1.6)) (&& (== net45) (< net20) (>= netstandard1.6)) (== netstandard1.6)
      System.Linq (>= 4.1) - restriction: || (&& (== net40) (< net20) (>= netstandard1.6)) (&& (== net45) (< net20) (>= netstandard1.6)) (== netstandard1.6)
      System.Linq.Expressions (>= 4.1) - restriction: || (&& (== net40) (< net20) (>= netstandard1.6)) (&& (== net45) (< net20) (>= netstandard1.6)) (== netstandard1.6)
      System.Linq.Queryable (>= 4.0.1) - restriction: || (&& (== net40) (< net20) (>= netstandard1.6)) (&& (== net45) (< net20) (>= netstandard1.6)) (== netstandard1.6)
      System.Net.Requests (>= 4.0.11) - restriction: || (&& (== net40) (< net20) (>= netstandard1.6)) (&& (== net45) (< net20) (>= netstandard1.6)) (== netstandard1.6)
      System.Reflection (>= 4.1) - restriction: || (&& (== net40) (< net20) (>= netstandard1.6)) (&& (== net45) (< net20) (>= netstandard1.6)) (== netstandard1.6)
      System.Reflection.Extensions (>= 4.0.1) - restriction: || (&& (== net40) (< net20) (>= netstandard1.6)) (&& (== net45) (< net20) (>= netstandard1.6)) (== netstandard1.6)
      System.Resources.ResourceManager (>= 4.0.1) - restriction: || (&& (== net40) (< net20) (>= netstandard1.6)) (&& (== net45) (< net20) (>= netstandard1.6)) (== netstandard1.6)
      System.Runtime (>= 4.1) - restriction: || (&& (== net40) (< net20) (>= netstandard1.6)) (&& (== net45) (< net20) (>= netstandard1.6)) (== netstandard1.6)
      System.Runtime.Extensions (>= 4.1) - restriction: || (&& (== net40) (< net20) (>= netstandard1.6)) (&& (== net45) (< net20) (>= netstandard1.6)) (== netstandard1.6)
      System.Runtime.Numerics (>= 4.0.1) - restriction: || (&& (== net40) (< net20) (>= netstandard1.6)) (&& (== net45) (< net20) (>= netstandard1.6)) (== netstandard1.6)
      System.Text.RegularExpressions (>= 4.1) - restriction: || (&& (== net40) (< net20) (>= netstandard1.6)) (&& (== net45) (< net20) (>= netstandard1.6)) (== netstandard1.6)
      System.Threading (>= 4.0.11) - restriction: || (&& (== net40) (< net20) (>= netstandard1.6)) (&& (== net45) (< net20) (>= netstandard1.6)) (== netstandard1.6)
      System.Threading.Tasks (>= 4.0.11) - restriction: || (&& (== net40) (< net20) (>= netstandard1.6)) (&& (== net45) (< net20) (>= netstandard1.6)) (== netstandard1.6)
      System.Threading.Tasks.Parallel (>= 4.0.1) - restriction: || (&& (== net40) (< net20) (>= netstandard1.6)) (&& (== net45) (< net20) (>= netstandard1.6)) (== netstandard1.6)
      System.Threading.Thread (>= 4.0) - restriction: || (&& (== net40) (< net20) (>= netstandard1.6)) (&& (== net45) (< net20) (>= netstandard1.6)) (== netstandard1.6)
      System.Threading.ThreadPool (>= 4.0.10) - restriction: || (&& (== net40) (< net20) (>= netstandard1.6)) (&& (== net45) (< net20) (>= netstandard1.6)) (== netstandard1.6)
      System.Threading.Timer (>= 4.0.1) - restriction: || (&& (== net40) (< net20) (>= netstandard1.6)) (&& (== net45) (< net20) (>= netstandard1.6)) (== netstandard1.6)
    Microsoft.NETCore.Platforms (2.1.1) - restriction: || (&& (== net40) (< net35) (>= netstandard1.5)) (&& (== net45) (< net35) (>= netstandard1.5)) (== netstandard1.6)
    Microsoft.NETCore.Targets (2.1) - restriction: || (&& (== net40) (< net35) (>= netstandard1.5)) (&& (== net45) (< net35) (>= netstandard1.5)) (== netstandard1.6)
    Microsoft.Win32.Primitives (4.3) - restriction: || (&& (== net40) (< net35) (>= netstandard1.5)) (&& (== net45) (< net35) (>= netstandard1.5)) (== netstandard1.6)
      Microsoft.NETCore.Platforms (>= 1.1) - restriction: || (&& (== net40) (>= netstandard1.3)) (&& (== net45) (>= netstandard1.3)) (== netstandard1.6)
      Microsoft.NETCore.Targets (>= 1.1) - restriction: || (&& (== net40) (>= netstandard1.3)) (&& (== net45) (>= netstandard1.3)) (== netstandard1.6)
      System.Runtime (>= 4.3) - restriction: || (&& (== net40) (>= netstandard1.3)) (&& (== net45) (>= netstandard1.3)) (== netstandard1.6)
    Microsoft.Win32.Registry (4.5) - restriction: || (&& (== net40) (< net35) (>= netstandard1.5)) (&& (== net45) (< net35) (>= netstandard1.5)) (== netstandard1.6)
      NETStandard.Library (>= 1.6.1) - restriction: || (&& (== net40) (>= netstandard1.3)) (&& (== net45) (>= netstandard1.3)) (== netstandard1.6)
    NETStandard.Library (2.0.3) - restriction: || (&& (== net40) (< net35) (>= netstandard1.3)) (&& (== net40) (< net35) (>= netstandard1.5)) (&& (== net45) (< net35) (>= netstandard1.3)) (&& (== net45) (< net35) (>= netstandard1.5)) (== netstandard1.6)
      Microsoft.NETCore.Platforms (>= 1.1) - restriction: || (&& (== net40) (>= net45)) (&& (== net40) (>= net46)) (&& (== net40) (>= net461)) (&& (== net40) (>= netcoreapp2.0)) (&& (== net40) (>= netstandard1.0)) (&& (== net40) (>= netstandard1.1)) (&& (== net40) (>= netstandard1.2)) (&& (== net40) (>= netstandard1.3)) (&& (== net40) (>= netstandard1.4)) (&& (== net40) (>= netstandard1.5)) (&& (== net40) (>= netstandard1.6)) (&& (== net40) (>= netstandard2.0)) (&& (== net40) (>= portable-net45+win8)) (&& (== net40) (>= portable-net45+win8+wp8+wpa81)) (&& (== net40) (>= portable-net45+win8+wpa81)) (&& (== net40) (>= uap10.0)) (&& (== net40) (>= uap10.1)) (&& (== net40) (>= win8)) (&& (== net40) (>= wp8)) (&& (== net40) (>= wpa81)) (== net45) (== netstandard1.6)
      Microsoft.Win32.Primitives (>= 4.3) - restriction: || (&& (== net40) (>= net46)) (&& (== net40) (>= netstandard1.3)) (&& (== net40) (>= netstandard1.4)) (&& (== net40) (>= netstandard1.5)) (&& (== net40) (>= netstandard1.6)) (&& (== net40) (>= uap10.0)) (&& (== net45) (>= net46)) (&& (== net45) (>= uap10.0)) (== netstandard1.6)
      System.AppContext (>= 4.3) - restriction: || (&& (== net40) (>= net46)) (&& (== net40) (>= netstandard1.3)) (&& (== net40) (>= netstandard1.4)) (&& (== net40) (>= netstandard1.5)) (&& (== net40) (>= netstandard1.6)) (&& (== net40) (>= uap10.0)) (&& (== net45) (>= net46)) (&& (== net45) (>= uap10.0)) (== netstandard1.6)
      System.Collections (>= 4.3) - restriction: || (&& (== net40) (>= netstandard1.0)) (&& (== net40) (>= netstandard1.1)) (&& (== net40) (>= netstandard1.2)) (&& (== net40) (>= netstandard1.3)) (&& (== net40) (>= netstandard1.4)) (&& (== net40) (>= netstandard1.5)) (&& (== net40) (>= netstandard1.6)) (&& (== net40) (>= uap10.0)) (&& (== net45) (< portable-net45+win8+wpa81)) (&& (== net45) (>= uap10.0)) (== netstandard1.6)
      System.Collections.Concurrent (>= 4.3) - restriction: || (&& (== net40) (>= netstandard1.1)) (&& (== net40) (>= netstandard1.2)) (&& (== net40) (>= netstandard1.3)) (&& (== net40) (>= netstandard1.4)) (&& (== net40) (>= netstandard1.5)) (&& (== net40) (>= netstandard1.6)) (&& (== net40) (>= uap10.0)) (&& (== net45) (>= uap10.0)) (== netstandard1.6)
      System.Console (>= 4.3) - restriction: || (&& (== net40) (>= net46)) (&& (== net40) (>= netstandard1.3)) (&& (== net40) (>= netstandard1.4)) (&& (== net40) (>= netstandard1.5)) (&& (== net40) (>= netstandard1.6)) (&& (== net40) (>= uap10.0)) (&& (== net45) (>= net46)) (&& (== net45) (>= uap10.0)) (== netstandard1.6)
      System.Diagnostics.Debug (>= 4.3) - restriction: || (&& (== net40) (>= netstandard1.0)) (&& (== net40) (>= netstandard1.1)) (&& (== net40) (>= netstandard1.2)) (&& (== net40) (>= netstandard1.3)) (&& (== net40) (>= netstandard1.4)) (&& (== net40) (>= netstandard1.5)) (&& (== net40) (>= netstandard1.6)) (&& (== net40) (>= uap10.0)) (&& (== net45) (< portable-net45+win8+wpa81)) (&& (== net45) (>= uap10.0)) (== netstandard1.6)
      System.Diagnostics.Tools (>= 4.3) - restriction: || (&& (== net40) (>= netstandard1.0)) (&& (== net40) (>= netstandard1.1)) (&& (== net40) (>= netstandard1.2)) (&& (== net40) (>= netstandard1.3)) (&& (== net40) (>= netstandard1.4)) (&& (== net40) (>= netstandard1.5)) (&& (== net40) (>= netstandard1.6)) (&& (== net40) (>= uap10.0)) (&& (== net45) (< portable-net45+win8+wpa81)) (&& (== net45) (>= uap10.0)) (== netstandard1.6)
      System.Diagnostics.Tracing (>= 4.3) - restriction: || (&& (== net40) (>= netstandard1.1)) (&& (== net40) (>= netstandard1.2)) (&& (== net40) (>= netstandard1.3)) (&& (== net40) (>= netstandard1.4)) (&& (== net40) (>= netstandard1.5)) (&& (== net40) (>= netstandard1.6)) (&& (== net40) (>= uap10.0)) (&& (== net45) (>= uap10.0)) (== netstandard1.6)
      System.Globalization (>= 4.3) - restriction: || (&& (== net40) (>= netstandard1.0)) (&& (== net40) (>= netstandard1.1)) (&& (== net40) (>= netstandard1.2)) (&& (== net40) (>= netstandard1.3)) (&& (== net40) (>= netstandard1.4)) (&& (== net40) (>= netstandard1.5)) (&& (== net40) (>= netstandard1.6)) (&& (== net40) (>= uap10.0)) (&& (== net45) (< portable-net45+win8+wpa81)) (&& (== net45) (>= uap10.0)) (== netstandard1.6)
      System.Globalization.Calendars (>= 4.3) - restriction: || (&& (== net40) (>= net46)) (&& (== net40) (>= netstandard1.3)) (&& (== net40) (>= netstandard1.4)) (&& (== net40) (>= netstandard1.5)) (&& (== net40) (>= netstandard1.6)) (&& (== net40) (>= uap10.0)) (&& (== net45) (>= net46)) (&& (== net45) (>= uap10.0)) (== netstandard1.6)
      System.IO (>= 4.3) - restriction: || (&& (== net40) (>= netstandard1.0)) (&& (== net40) (>= netstandard1.1)) (&& (== net40) (>= netstandard1.2)) (&& (== net40) (>= netstandard1.3)) (&& (== net40) (>= netstandard1.4)) (&& (== net40) (>= netstandard1.5)) (&& (== net40) (>= netstandard1.6)) (&& (== net40) (>= uap10.0)) (&& (== net45) (< portable-net45+win8+wpa81)) (&& (== net45) (>= uap10.0)) (== netstandard1.6)
      System.IO.Compression (>= 4.3) - restriction: || (&& (== net40) (>= net46)) (&& (== net40) (>= netstandard1.1)) (&& (== net40) (>= netstandard1.2)) (&& (== net40) (>= netstandard1.3)) (&& (== net40) (>= netstandard1.4)) (&& (== net40) (>= netstandard1.5)) (&& (== net40) (>= netstandard1.6)) (&& (== net40) (>= uap10.0)) (&& (== net45) (>= net46)) (&& (== net45) (>= uap10.0)) (== netstandard1.6)
      System.IO.Compression.ZipFile (>= 4.3) - restriction: || (&& (== net40) (>= net46)) (&& (== net40) (>= netstandard1.3)) (&& (== net40) (>= netstandard1.4)) (&& (== net40) (>= netstandard1.5)) (&& (== net40) (>= netstandard1.6)) (&& (== net40) (>= uap10.0)) (&& (== net45) (>= net46)) (&& (== net45) (>= uap10.0)) (== netstandard1.6)
      System.IO.FileSystem (>= 4.3) - restriction: || (&& (== net40) (>= net46)) (&& (== net40) (>= netstandard1.3)) (&& (== net40) (>= netstandard1.4)) (&& (== net40) (>= netstandard1.5)) (&& (== net40) (>= netstandard1.6)) (&& (== net40) (>= uap10.0)) (&& (== net45) (>= net46)) (&& (== net45) (>= uap10.0)) (== netstandard1.6)
      System.IO.FileSystem.Primitives (>= 4.3) - restriction: || (&& (== net40) (>= net46)) (&& (== net40) (>= netstandard1.3)) (&& (== net40) (>= netstandard1.4)) (&& (== net40) (>= netstandard1.5)) (&& (== net40) (>= netstandard1.6)) (&& (== net40) (>= uap10.0)) (&& (== net45) (>= net46)) (&& (== net45) (>= uap10.0)) (== netstandard1.6)
      System.Linq (>= 4.3) - restriction: || (&& (== net40) (>= netstandard1.0)) (&& (== net40) (>= netstandard1.1)) (&& (== net40) (>= netstandard1.2)) (&& (== net40) (>= netstandard1.3)) (&& (== net40) (>= netstandard1.4)) (&& (== net40) (>= netstandard1.5)) (&& (== net40) (>= netstandard1.6)) (&& (== net40) (>= uap10.0)) (&& (== net45) (< portable-net45+win8+wpa81)) (&& (== net45) (>= uap10.0)) (== netstandard1.6)
      System.Linq.Expressions (>= 4.3) - restriction: || (&& (== net40) (>= netstandard1.0)) (&& (== net40) (>= netstandard1.1)) (&& (== net40) (>= netstandard1.2)) (&& (== net40) (>= netstandard1.3)) (&& (== net40) (>= netstandard1.4)) (&& (== net40) (>= netstandard1.5)) (&& (== net40) (>= netstandard1.6)) (&& (== net40) (>= uap10.0)) (&& (== net45) (< portable-net45+win8+wpa81)) (&& (== net45) (>= uap10.0)) (== netstandard1.6)
      System.Net.Http (>= 4.3.2) - restriction: || (&& (== net40) (>= net46)) (&& (== net40) (>= netstandard1.1)) (&& (== net40) (>= netstandard1.2)) (&& (== net40) (>= netstandard1.3)) (&& (== net40) (>= netstandard1.4)) (&& (== net40) (>= netstandard1.5)) (&& (== net40) (>= netstandard1.6)) (&& (== net40) (>= uap10.0)) (&& (== net45) (>= net46)) (&& (== net45) (>= uap10.0)) (== netstandard1.6)
      System.Net.Primitives (>= 4.3) - restriction: || (&& (== net40) (>= netstandard1.0)) (&& (== net40) (>= netstandard1.1)) (&& (== net40) (>= netstandard1.2)) (&& (== net40) (>= netstandard1.3)) (&& (== net40) (>= netstandard1.4)) (&& (== net40) (>= netstandard1.5)) (&& (== net40) (>= netstandard1.6)) (&& (== net40) (>= uap10.0)) (&& (== net45) (< portable-net45+win8+wpa81)) (&& (== net45) (>= uap10.0)) (== netstandard1.6)
      System.Net.Sockets (>= 4.3) - restriction: || (&& (== net40) (>= net46)) (&& (== net40) (>= netstandard1.3)) (&& (== net40) (>= netstandard1.4)) (&& (== net40) (>= netstandard1.5)) (&& (== net40) (>= netstandard1.6)) (&& (== net40) (>= uap10.0)) (&& (== net45) (>= net46)) (&& (== net45) (>= uap10.0)) (== netstandard1.6)
      System.ObjectModel (>= 4.3) - restriction: || (&& (== net40) (>= netstandard1.0)) (&& (== net40) (>= netstandard1.1)) (&& (== net40) (>= netstandard1.2)) (&& (== net40) (>= netstandard1.3)) (&& (== net40) (>= netstandard1.4)) (&& (== net40) (>= netstandard1.5)) (&& (== net40) (>= netstandard1.6)) (&& (== net40) (>= uap10.0)) (&& (== net45) (< portable-net45+win8+wpa81)) (&& (== net45) (>= uap10.0)) (== netstandard1.6)
      System.Reflection (>= 4.3) - restriction: || (&& (== net40) (>= netstandard1.0)) (&& (== net40) (>= netstandard1.1)) (&& (== net40) (>= netstandard1.2)) (&& (== net40) (>= netstandard1.3)) (&& (== net40) (>= netstandard1.4)) (&& (== net40) (>= netstandard1.5)) (&& (== net40) (>= netstandard1.6)) (&& (== net40) (>= uap10.0)) (&& (== net45) (< portable-net45+win8+wpa81)) (&& (== net45) (>= uap10.0)) (== netstandard1.6)
      System.Reflection.Extensions (>= 4.3) - restriction: || (&& (== net40) (>= netstandard1.0)) (&& (== net40) (>= netstandard1.1)) (&& (== net40) (>= netstandard1.2)) (&& (== net40) (>= netstandard1.3)) (&& (== net40) (>= netstandard1.4)) (&& (== net40) (>= netstandard1.5)) (&& (== net40) (>= netstandard1.6)) (&& (== net40) (>= uap10.0)) (&& (== net45) (< portable-net45+win8+wpa81)) (&& (== net45) (>= uap10.0)) (== netstandard1.6)
      System.Reflection.Primitives (>= 4.3) - restriction: || (&& (== net40) (>= netstandard1.0)) (&& (== net40) (>= netstandard1.1)) (&& (== net40) (>= netstandard1.2)) (&& (== net40) (>= netstandard1.3)) (&& (== net40) (>= netstandard1.4)) (&& (== net40) (>= netstandard1.5)) (&& (== net40) (>= netstandard1.6)) (&& (== net40) (>= uap10.0)) (&& (== net45) (< portable-net45+win8+wpa81)) (&& (== net45) (>= uap10.0)) (== netstandard1.6)
      System.Resources.ResourceManager (>= 4.3) - restriction: || (&& (== net40) (>= netstandard1.0)) (&& (== net40) (>= netstandard1.1)) (&& (== net40) (>= netstandard1.2)) (&& (== net40) (>= netstandard1.3)) (&& (== net40) (>= netstandard1.4)) (&& (== net40) (>= netstandard1.5)) (&& (== net40) (>= netstandard1.6)) (&& (== net40) (>= uap10.0)) (&& (== net45) (< portable-net45+win8+wpa81)) (&& (== net45) (>= uap10.0)) (== netstandard1.6)
      System.Runtime (>= 4.3) - restriction: || (&& (== net40) (>= netstandard1.0)) (&& (== net40) (>= netstandard1.1)) (&& (== net40) (>= netstandard1.2)) (&& (== net40) (>= netstandard1.3)) (&& (== net40) (>= netstandard1.4)) (&& (== net40) (>= netstandard1.5)) (&& (== net40) (>= netstandard1.6)) (&& (== net40) (>= uap10.0)) (&& (== net45) (< portable-net45+win8+wpa81)) (&& (== net45) (>= uap10.0)) (== netstandard1.6)
      System.Runtime.Extensions (>= 4.3) - restriction: || (&& (== net40) (>= netstandard1.0)) (&& (== net40) (>= netstandard1.1)) (&& (== net40) (>= netstandard1.2)) (&& (== net40) (>= netstandard1.3)) (&& (== net40) (>= netstandard1.4)) (&& (== net40) (>= netstandard1.5)) (&& (== net40) (>= netstandard1.6)) (&& (== net40) (>= uap10.0)) (&& (== net45) (< portable-net45+win8+wpa81)) (&& (== net45) (>= uap10.0)) (== netstandard1.6)
      System.Runtime.Handles (>= 4.3) - restriction: || (&& (== net40) (>= netstandard1.3)) (&& (== net40) (>= netstandard1.4)) (&& (== net40) (>= netstandard1.5)) (&& (== net40) (>= netstandard1.6)) (&& (== net40) (>= uap10.0)) (&& (== net45) (>= uap10.0)) (== netstandard1.6)
      System.Runtime.InteropServices (>= 4.3) - restriction: || (&& (== net40) (>= netstandard1.1)) (&& (== net40) (>= netstandard1.2)) (&& (== net40) (>= netstandard1.3)) (&& (== net40) (>= netstandard1.4)) (&& (== net40) (>= netstandard1.5)) (&& (== net40) (>= netstandard1.6)) (&& (== net40) (>= uap10.0)) (&& (== net45) (>= uap10.0)) (== netstandard1.6)
      System.Runtime.InteropServices.RuntimeInformation (>= 4.3) - restriction: || (&& (== net40) (>= net45)) (&& (== net40) (>= net46)) (&& (== net40) (>= netstandard1.1)) (&& (== net40) (>= netstandard1.2)) (&& (== net40) (>= netstandard1.3)) (&& (== net40) (>= netstandard1.4)) (&& (== net40) (>= netstandard1.5)) (&& (== net40) (>= netstandard1.6)) (&& (== net40) (>= portable-net45+win8)) (&& (== net40) (>= portable-net45+win8+wpa81)) (&& (== net40) (>= uap10.0)) (&& (== net40) (>= win8)) (&& (== net40) (>= wpa81)) (== net45) (== netstandard1.6)
      System.Runtime.Numerics (>= 4.3) - restriction: || (&& (== net40) (>= netstandard1.1)) (&& (== net40) (>= netstandard1.2)) (&& (== net40) (>= netstandard1.3)) (&& (== net40) (>= netstandard1.4)) (&& (== net40) (>= netstandard1.5)) (&& (== net40) (>= netstandard1.6)) (&& (== net40) (>= uap10.0)) (&& (== net45) (>= uap10.0)) (== netstandard1.6)
      System.Security.Cryptography.Algorithms (>= 4.3) - restriction: || (&& (== net40) (>= net46)) (&& (== net40) (>= netstandard1.3)) (&& (== net40) (>= netstandard1.4)) (&& (== net40) (>= netstandard1.5)) (&& (== net40) (>= netstandard1.6)) (&& (== net40) (>= uap10.0)) (&& (== net45) (>= net46)) (&& (== net45) (>= uap10.0)) (== netstandard1.6)
      System.Security.Cryptography.Encoding (>= 4.3) - restriction: || (&& (== net40) (>= net46)) (&& (== net40) (>= netstandard1.3)) (&& (== net40) (>= netstandard1.4)) (&& (== net40) (>= netstandard1.5)) (&& (== net40) (>= netstandard1.6)) (&& (== net40) (>= uap10.0)) (&& (== net45) (>= net46)) (&& (== net45) (>= uap10.0)) (== netstandard1.6)
      System.Security.Cryptography.Primitives (>= 4.3) - restriction: || (&& (== net40) (>= net46)) (&& (== net40) (>= netstandard1.3)) (&& (== net40) (>= netstandard1.4)) (&& (== net40) (>= netstandard1.5)) (&& (== net40) (>= netstandard1.6)) (&& (== net40) (>= uap10.0)) (&& (== net45) (>= net46)) (&& (== net45) (>= uap10.0)) (== netstandard1.6)
      System.Security.Cryptography.X509Certificates (>= 4.3) - restriction: || (&& (== net40) (>= net46)) (&& (== net40) (>= netstandard1.3)) (&& (== net40) (>= netstandard1.4)) (&& (== net40) (>= netstandard1.5)) (&& (== net40) (>= netstandard1.6)) (&& (== net40) (>= uap10.0)) (&& (== net45) (>= net46)) (&& (== net45) (>= uap10.0)) (== netstandard1.6)
      System.Text.Encoding (>= 4.3) - restriction: || (&& (== net40) (>= netstandard1.0)) (&& (== net40) (>= netstandard1.1)) (&& (== net40) (>= netstandard1.2)) (&& (== net40) (>= netstandard1.3)) (&& (== net40) (>= netstandard1.4)) (&& (== net40) (>= netstandard1.5)) (&& (== net40) (>= netstandard1.6)) (&& (== net40) (>= uap10.0)) (&& (== net45) (< portable-net45+win8+wpa81)) (&& (== net45) (>= uap10.0)) (== netstandard1.6)
      System.Text.Encoding.Extensions (>= 4.3) - restriction: || (&& (== net40) (>= netstandard1.0)) (&& (== net40) (>= netstandard1.1)) (&& (== net40) (>= netstandard1.2)) (&& (== net40) (>= netstandard1.3)) (&& (== net40) (>= netstandard1.4)) (&& (== net40) (>= netstandard1.5)) (&& (== net40) (>= netstandard1.6)) (&& (== net40) (>= uap10.0)) (&& (== net45) (< portable-net45+win8+wpa81)) (&& (== net45) (>= uap10.0)) (== netstandard1.6)
      System.Text.RegularExpressions (>= 4.3) - restriction: || (&& (== net40) (>= netstandard1.0)) (&& (== net40) (>= netstandard1.1)) (&& (== net40) (>= netstandard1.2)) (&& (== net40) (>= netstandard1.3)) (&& (== net40) (>= netstandard1.4)) (&& (== net40) (>= netstandard1.5)) (&& (== net40) (>= netstandard1.6)) (&& (== net40) (>= uap10.0)) (&& (== net45) (< portable-net45+win8+wpa81)) (&& (== net45) (>= uap10.0)) (== netstandard1.6)
      System.Threading (>= 4.3) - restriction: || (&& (== net40) (>= netstandard1.0)) (&& (== net40) (>= netstandard1.1)) (&& (== net40) (>= netstandard1.2)) (&& (== net40) (>= netstandard1.3)) (&& (== net40) (>= netstandard1.4)) (&& (== net40) (>= netstandard1.5)) (&& (== net40) (>= netstandard1.6)) (&& (== net40) (>= uap10.0)) (&& (== net45) (< portable-net45+win8+wpa81)) (&& (== net45) (>= uap10.0)) (== netstandard1.6)
      System.Threading.Tasks (>= 4.3) - restriction: || (&& (== net40) (>= netstandard1.0)) (&& (== net40) (>= netstandard1.1)) (&& (== net40) (>= netstandard1.2)) (&& (== net40) (>= netstandard1.3)) (&& (== net40) (>= netstandard1.4)) (&& (== net40) (>= netstandard1.5)) (&& (== net40) (>= netstandard1.6)) (&& (== net40) (>= uap10.0)) (&& (== net45) (< portable-net45+win8+wpa81)) (&& (== net45) (>= uap10.0)) (== netstandard1.6)
      System.Threading.Timer (>= 4.3) - restriction: || (&& (== net40) (>= netstandard1.2)) (&& (== net40) (>= netstandard1.3)) (&& (== net40) (>= netstandard1.4)) (&& (== net40) (>= netstandard1.5)) (&& (== net40) (>= netstandard1.6)) (&& (== net40) (>= uap10.0)) (&& (== net45) (>= uap10.0)) (== netstandard1.6)
      System.Xml.ReaderWriter (>= 4.3) - restriction: || (&& (== net40) (>= net46)) (&& (== net40) (>= netstandard1.0)) (&& (== net40) (>= netstandard1.1)) (&& (== net40) (>= netstandard1.2)) (&& (== net40) (>= netstandard1.3)) (&& (== net40) (>= netstandard1.4)) (&& (== net40) (>= netstandard1.5)) (&& (== net40) (>= netstandard1.6)) (&& (== net40) (>= uap10.0)) (&& (== net45) (>= net46)) (&& (== net45) (< portable-net45+win8+wpa81)) (&& (== net45) (>= uap10.0)) (== netstandard1.6)
      System.Xml.XDocument (>= 4.3) - restriction: || (&& (== net40) (>= netstandard1.0)) (&& (== net40) (>= netstandard1.1)) (&& (== net40) (>= netstandard1.2)) (&& (== net40) (>= netstandard1.3)) (&& (== net40) (>= netstandard1.4)) (&& (== net40) (>= netstandard1.5)) (&& (== net40) (>= netstandard1.6)) (&& (== net40) (>= uap10.0)) (&& (== net45) (< portable-net45+win8+wpa81)) (&& (== net45) (>= uap10.0)) (== netstandard1.6)
    NLog (4.5.3)
      NETStandard.Library (>= 1.6) - restriction: || (&& (== net40) (< net35) (>= netstandard1.3)) (&& (== net40) (< net35) (>= netstandard1.5)) (&& (== net45) (< net35) (>= netstandard1.3)) (&& (== net45) (< net35) (>= netstandard1.5)) (== netstandard1.6)
      System.ComponentModel.Primitives (>= 4.1) - restriction: || (&& (== net40) (< net35) (>= netstandard1.3)) (&& (== net40) (< net35) (>= netstandard1.5)) (&& (== net45) (< net35) (>= netstandard1.3)) (&& (== net45) (< net35) (>= netstandard1.5)) (== netstandard1.6)
      System.ComponentModel.TypeConverter (>= 4.1) - restriction: || (&& (== net40) (< net35) (>= netstandard1.5)) (&& (== net45) (< net35) (>= netstandard1.5)) (== netstandard1.6)
      System.Data.Common (>= 4.1) - restriction: || (&& (== net40) (< net35) (>= netstandard1.3)) (&& (== net40) (< net35) (>= netstandard1.5)) (&& (== net45) (< net35) (>= netstandard1.3)) (&& (== net45) (< net35) (>= netstandard1.5)) (== netstandard1.6)
      System.Diagnostics.Process (>= 4.1) - restriction: || (&& (== net40) (< net35) (>= netstandard1.5)) (&& (== net45) (< net35) (>= netstandard1.5)) (== netstandard1.6)
      System.Diagnostics.StackTrace (>= 4.0.1) - restriction: || (&& (== net40) (< net35) (>= netstandard1.3)) (&& (== net40) (< net35) (>= netstandard1.5)) (&& (== net45) (< net35) (>= netstandard1.3)) (&& (== net45) (< net35) (>= netstandard1.5)) (== netstandard1.6)
      System.Diagnostics.TraceSource (>= 4.0) - restriction: || (&& (== net40) (< net35) (>= netstandard1.5)) (&& (== net45) (< net35) (>= netstandard1.5)) (== netstandard1.6)
      System.IO.FileSystem.Watcher (>= 4.0) - restriction: || (&& (== net40) (< net35) (>= netstandard1.5)) (&& (== net45) (< net35) (>= netstandard1.5)) (== netstandard1.6)
      System.Net.NameResolution (>= 4.0) - restriction: || (&& (== net40) (< net35) (>= netstandard1.3)) (&& (== net40) (< net35) (>= netstandard1.5)) (&& (== net45) (< net35) (>= netstandard1.3)) (&& (== net45) (< net35) (>= netstandard1.5)) (== netstandard1.6)
      System.Net.Requests (>= 4.0.11) - restriction: || (&& (== net40) (< net35) (>= netstandard1.3)) (&& (== net40) (< net35) (>= netstandard1.5)) (&& (== net45) (< net35) (>= netstandard1.3)) (&& (== net45) (< net35) (>= netstandard1.5)) (== netstandard1.6)
      System.Reflection.TypeExtensions (>= 4.1) - restriction: || (&& (== net40) (< net35) (>= netstandard1.3)) (&& (== net40) (< net35) (>= netstandard1.5)) (&& (== net45) (< net35) (>= netstandard1.3)) (&& (== net45) (< net35) (>= netstandard1.5)) (== netstandard1.6)
      System.Runtime.Loader (>= 4.0) - restriction: || (&& (== net40) (< net35) (>= netstandard1.5)) (&& (== net45) (< net35) (>= netstandard1.5)) (== netstandard1.6)
      System.Threading.Thread (>= 4.0) - restriction: || (&& (== net40) (< net35) (>= netstandard1.5)) (&& (== net45) (< net35) (>= netstandard1.5)) (== netstandard1.6)
      System.Xml.XmlDocument (>= 4.0.1) - restriction: || (&& (== net40) (< net35) (>= netstandard1.3)) (&& (== net40) (< net35) (>= netstandard1.5)) (&& (== net45) (< net35) (>= netstandard1.3)) (&& (== net45) (< net35) (>= netstandard1.5)) (== netstandard1.6)
    runtime.debian.8-x64.runtime.native.System.Security.Cryptography.OpenSsl (4.3.3) - restriction: || (&& (== net40) (< net35) (>= netstandard1.6)) (&& (== net40) (>= netstandard1.6) (>= uap10.0)) (&& (== net45) (< net35) (>= netstandard1.6)) (&& (== net45) (>= netstandard1.6) (>= uap10.0)) (== netstandard1.6)
    runtime.debian.9-x64.runtime.native.System.Security.Cryptography.OpenSsl (4.3.3) - restriction: || (&& (== net40) (< net35) (>= netstandard1.6)) (&& (== net40) (>= netstandard1.6) (>= uap10.0)) (&& (== net45) (< net35) (>= netstandard1.6)) (&& (== net45) (>= netstandard1.6) (>= uap10.0)) (== netstandard1.6)
    runtime.fedora.23-x64.runtime.native.System.Security.Cryptography.OpenSsl (4.3.3) - restriction: || (&& (== net40) (< net35) (>= netstandard1.6)) (&& (== net40) (>= netstandard1.6) (>= uap10.0)) (&& (== net45) (< net35) (>= netstandard1.6)) (&& (== net45) (>= netstandard1.6) (>= uap10.0)) (== netstandard1.6)
    runtime.fedora.24-x64.runtime.native.System.Security.Cryptography.OpenSsl (4.3.3) - restriction: || (&& (== net40) (< net35) (>= netstandard1.6)) (&& (== net40) (>= netstandard1.6) (>= uap10.0)) (&& (== net45) (< net35) (>= netstandard1.6)) (&& (== net45) (>= netstandard1.6) (>= uap10.0)) (== netstandard1.6)
    runtime.fedora.27-x64.runtime.native.System.Security.Cryptography.OpenSsl (4.3.3) - restriction: || (&& (== net40) (< net35) (>= netstandard1.6)) (&& (== net40) (>= netstandard1.6) (>= uap10.0)) (&& (== net45) (< net35) (>= netstandard1.6)) (&& (== net45) (>= netstandard1.6) (>= uap10.0)) (== netstandard1.6)
    runtime.fedora.28-x64.runtime.native.System.Security.Cryptography.OpenSsl (4.3.3) - restriction: || (&& (== net40) (< net35) (>= netstandard1.6)) (&& (== net40) (>= netstandard1.6) (>= uap10.0)) (&& (== net45) (< net35) (>= netstandard1.6)) (&& (== net45) (>= netstandard1.6) (>= uap10.0)) (== netstandard1.6)
    runtime.native.System (4.3.1) - restriction: || (&& (== net40) (< net35) (>= netstandard1.5)) (&& (== net45) (< net35) (>= netstandard1.5)) (== netstandard1.6)
      Microsoft.NETCore.Platforms (>= 1.1.1)
      Microsoft.NETCore.Targets (>= 1.1.3)
    runtime.native.System.IO.Compression (4.3.2) - restriction: || (&& (== net40) (< net35) (>= net46)) (&& (== net40) (< net35) (>= netstandard1.3)) (&& (== net40) (< net35) (>= netstandard1.4)) (&& (== net40) (< net35) (>= netstandard1.5)) (&& (== net40) (< net35) (>= netstandard1.6)) (&& (== net40) (>= uap10.0)) (&& (== net45) (< net35) (>= net46)) (&& (== net45) (< net35) (>= netstandard1.3)) (&& (== net45) (< net35) (>= netstandard1.4)) (&& (== net45) (< net35) (>= netstandard1.5)) (&& (== net45) (< net35) (>= netstandard1.6)) (&& (== net45) (>= uap10.0)) (== netstandard1.6)
      Microsoft.NETCore.Platforms (>= 1.1.1)
      Microsoft.NETCore.Targets (>= 1.1.3)
    runtime.native.System.Net.Http (4.3.1) - restriction: || (&& (== net40) (< net35) (>= netstandard1.6)) (&& (== net40) (>= netstandard1.6) (>= uap10.0)) (&& (== net45) (< net35) (>= netstandard1.6)) (&& (== net45) (>= netstandard1.6) (>= uap10.0)) (== netstandard1.6)
      Microsoft.NETCore.Platforms (>= 1.1.1)
      Microsoft.NETCore.Targets (>= 1.1.3)
    runtime.native.System.Security.Cryptography.Apple (4.3.1) - restriction: || (&& (== net40) (< net35) (>= netstandard1.6)) (&& (== net40) (>= netstandard1.6) (>= uap10.0)) (&& (== net45) (< net35) (>= netstandard1.6)) (&& (== net45) (>= netstandard1.6) (>= uap10.0)) (== netstandard1.6)
      runtime.osx.10.10-x64.runtime.native.System.Security.Cryptography.Apple (>= 4.3.1)
    runtime.native.System.Security.Cryptography.OpenSsl (4.3.3) - restriction: || (&& (== net40) (< net35) (>= netstandard1.6)) (&& (== net40) (>= netstandard1.6) (>= uap10.0)) (&& (== net45) (< net35) (>= netstandard1.6)) (&& (== net45) (>= netstandard1.6) (>= uap10.0)) (== netstandard1.6)
      runtime.debian.8-x64.runtime.native.System.Security.Cryptography.OpenSsl (>= 4.3.3)
      runtime.debian.9-x64.runtime.native.System.Security.Cryptography.OpenSsl (>= 4.3.3)
      runtime.fedora.23-x64.runtime.native.System.Security.Cryptography.OpenSsl (>= 4.3.3)
      runtime.fedora.24-x64.runtime.native.System.Security.Cryptography.OpenSsl (>= 4.3.3)
      runtime.fedora.27-x64.runtime.native.System.Security.Cryptography.OpenSsl (>= 4.3.3)
      runtime.fedora.28-x64.runtime.native.System.Security.Cryptography.OpenSsl (>= 4.3.3)
      runtime.opensuse.13.2-x64.runtime.native.System.Security.Cryptography.OpenSsl (>= 4.3.3)
      runtime.opensuse.42.1-x64.runtime.native.System.Security.Cryptography.OpenSsl (>= 4.3.3)
      runtime.opensuse.42.3-x64.runtime.native.System.Security.Cryptography.OpenSsl (>= 4.3.3)
      runtime.osx.10.10-x64.runtime.native.System.Security.Cryptography.OpenSsl (>= 4.3.3)
      runtime.rhel.7-x64.runtime.native.System.Security.Cryptography.OpenSsl (>= 4.3.3)
      runtime.ubuntu.14.04-x64.runtime.native.System.Security.Cryptography.OpenSsl (>= 4.3.3)
      runtime.ubuntu.16.04-x64.runtime.native.System.Security.Cryptography.OpenSsl (>= 4.3.3)
      runtime.ubuntu.16.10-x64.runtime.native.System.Security.Cryptography.OpenSsl (>= 4.3.3)
      runtime.ubuntu.18.04-x64.runtime.native.System.Security.Cryptography.OpenSsl (>= 4.3.3)
    runtime.opensuse.13.2-x64.runtime.native.System.Security.Cryptography.OpenSsl (4.3.3) - restriction: || (&& (== net40) (< net35) (>= netstandard1.6)) (&& (== net40) (>= netstandard1.6) (>= uap10.0)) (&& (== net45) (< net35) (>= netstandard1.6)) (&& (== net45) (>= netstandard1.6) (>= uap10.0)) (== netstandard1.6)
    runtime.opensuse.42.1-x64.runtime.native.System.Security.Cryptography.OpenSsl (4.3.3) - restriction: || (&& (== net40) (< net35) (>= netstandard1.6)) (&& (== net40) (>= netstandard1.6) (>= uap10.0)) (&& (== net45) (< net35) (>= netstandard1.6)) (&& (== net45) (>= netstandard1.6) (>= uap10.0)) (== netstandard1.6)
    runtime.opensuse.42.3-x64.runtime.native.System.Security.Cryptography.OpenSsl (4.3.3) - restriction: || (&& (== net40) (< net35) (>= netstandard1.6)) (&& (== net40) (>= netstandard1.6) (>= uap10.0)) (&& (== net45) (< net35) (>= netstandard1.6)) (&& (== net45) (>= netstandard1.6) (>= uap10.0)) (== netstandard1.6)
    runtime.osx.10.10-x64.runtime.native.System.Security.Cryptography.Apple (4.3.1) - restriction: || (&& (== net40) (< net35) (>= netstandard1.6)) (&& (== net40) (>= netstandard1.6) (>= uap10.0)) (&& (== net45) (< net35) (>= netstandard1.6)) (&& (== net45) (>= netstandard1.6) (>= uap10.0)) (== netstandard1.6)
    runtime.osx.10.10-x64.runtime.native.System.Security.Cryptography.OpenSsl (4.3.3) - restriction: || (&& (== net40) (< net35) (>= netstandard1.6)) (&& (== net40) (>= netstandard1.6) (>= uap10.0)) (&& (== net45) (< net35) (>= netstandard1.6)) (&& (== net45) (>= netstandard1.6) (>= uap10.0)) (== netstandard1.6)
    runtime.rhel.7-x64.runtime.native.System.Security.Cryptography.OpenSsl (4.3.3) - restriction: || (&& (== net40) (< net35) (>= netstandard1.6)) (&& (== net40) (>= netstandard1.6) (>= uap10.0)) (&& (== net45) (< net35) (>= netstandard1.6)) (&& (== net45) (>= netstandard1.6) (>= uap10.0)) (== netstandard1.6)
    runtime.ubuntu.14.04-x64.runtime.native.System.Security.Cryptography.OpenSsl (4.3.3) - restriction: || (&& (== net40) (< net35) (>= netstandard1.6)) (&& (== net40) (>= netstandard1.6) (>= uap10.0)) (&& (== net45) (< net35) (>= netstandard1.6)) (&& (== net45) (>= netstandard1.6) (>= uap10.0)) (== netstandard1.6)
    runtime.ubuntu.16.04-x64.runtime.native.System.Security.Cryptography.OpenSsl (4.3.3) - restriction: || (&& (== net40) (< net35) (>= netstandard1.6)) (&& (== net40) (>= netstandard1.6) (>= uap10.0)) (&& (== net45) (< net35) (>= netstandard1.6)) (&& (== net45) (>= netstandard1.6) (>= uap10.0)) (== netstandard1.6)
    runtime.ubuntu.16.10-x64.runtime.native.System.Security.Cryptography.OpenSsl (4.3.3) - restriction: || (&& (== net40) (< net35) (>= netstandard1.6)) (&& (== net40) (>= netstandard1.6) (>= uap10.0)) (&& (== net45) (< net35) (>= netstandard1.6)) (&& (== net45) (>= netstandard1.6) (>= uap10.0)) (== netstandard1.6)
    runtime.ubuntu.18.04-x64.runtime.native.System.Security.Cryptography.OpenSsl (4.3.3) - restriction: || (&& (== net40) (< net35) (>= netstandard1.6)) (&& (== net40) (>= netstandard1.6) (>= uap10.0)) (&& (== net45) (< net35) (>= netstandard1.6)) (&& (== net45) (>= netstandard1.6) (>= uap10.0)) (== netstandard1.6)
    System.AppContext (4.3) - restriction: || (&& (== net40) (< net35) (>= net46)) (&& (== net40) (< net35) (>= netstandard1.3)) (&& (== net40) (< net35) (>= netstandard1.4)) (&& (== net40) (< net35) (>= netstandard1.5)) (&& (== net40) (< net35) (>= netstandard1.6)) (&& (== net40) (>= uap10.0)) (&& (== net45) (< net35) (>= net46)) (&& (== net45) (< net35) (>= netstandard1.3)) (&& (== net45) (< net35) (>= netstandard1.4)) (&& (== net45) (< net35) (>= netstandard1.5)) (&& (== net45) (< net35) (>= netstandard1.6)) (&& (== net45) (>= uap10.0)) (== netstandard1.6)
      System.Runtime (>= 4.3)
    System.Buffers (4.5) - restriction: || (&& (== net40) (< net35) (>= net46)) (&& (== net40) (< net35) (>= netstandard1.3)) (&& (== net40) (< net35) (>= netstandard1.4)) (&& (== net40) (< net35) (>= netstandard1.5)) (&& (== net40) (< net35) (>= netstandard1.6)) (&& (== net40) (>= uap10.0)) (&& (== net45) (< net35) (>= net46)) (&& (== net45) (< net35) (>= netstandard1.3)) (&& (== net45) (< net35) (>= netstandard1.4)) (&& (== net45) (< net35) (>= netstandard1.5)) (&& (== net45) (< net35) (>= netstandard1.6)) (&& (== net45) (>= uap10.0)) (== netstandard1.6)
      System.Diagnostics.Debug (>= 4.3) - restriction: || (&& (== net40) (>= netstandard1.1)) (== netstandard1.6)
      System.Diagnostics.Tracing (>= 4.3) - restriction: || (&& (== net40) (>= netstandard1.1)) (== netstandard1.6)
      System.Resources.ResourceManager (>= 4.3) - restriction: || (&& (== net40) (>= netstandard1.1)) (== netstandard1.6)
      System.Runtime (>= 4.3) - restriction: || (&& (== net40) (>= netstandard1.1)) (== netstandard1.6)
      System.Threading (>= 4.3) - restriction: || (&& (== net40) (>= netstandard1.1)) (== netstandard1.6)
    System.Collections (4.3) - restriction: || (&& (== net40) (< net20) (>= netstandard1.6)) (&& (== net45) (< net20) (>= netstandard1.6)) (== netstandard1.6)
      Microsoft.NETCore.Platforms (>= 1.1) - restriction: || (== net40) (&& (== net45) (< portable-net45+win8+wp8+wpa81)) (== netstandard1.6)
      Microsoft.NETCore.Targets (>= 1.1) - restriction: || (== net40) (&& (== net45) (< portable-net45+win8+wp8+wpa81)) (== netstandard1.6)
      System.Runtime (>= 4.3) - restriction: || (== net40) (&& (== net45) (< portable-net45+win8+wp8+wpa81)) (== netstandard1.6)
    System.Collections.Concurrent (4.3) - restriction: || (&& (== net40) (< net20) (>= netstandard1.6)) (&& (== net45) (< net20) (>= netstandard1.6)) (== netstandard1.6)
      System.Collections (>= 4.3) - restriction: || (== net40) (&& (== net45) (< portable-net45+win8+wpa81)) (== netstandard1.6)
      System.Diagnostics.Debug (>= 4.3) - restriction: || (== net40) (&& (== net45) (< portable-net45+win8+wpa81)) (== netstandard1.6)
      System.Diagnostics.Tracing (>= 4.3) - restriction: || (== net40) (&& (== net45) (< portable-net45+win8+wpa81)) (== netstandard1.6)
      System.Globalization (>= 4.3) - restriction: || (== net40) (&& (== net45) (< portable-net45+win8+wpa81)) (== netstandard1.6)
      System.Reflection (>= 4.3) - restriction: || (&& (== net40) (>= netstandard1.3)) (== netstandard1.6)
      System.Resources.ResourceManager (>= 4.3) - restriction: || (== net40) (&& (== net45) (< portable-net45+win8+wpa81)) (== netstandard1.6)
      System.Runtime (>= 4.3) - restriction: || (== net40) (&& (== net45) (< portable-net45+win8+wpa81)) (== netstandard1.6)
      System.Runtime.Extensions (>= 4.3) - restriction: || (== net40) (&& (== net45) (< portable-net45+win8+wpa81)) (== netstandard1.6)
      System.Threading (>= 4.3) - restriction: || (== net40) (&& (== net45) (< portable-net45+win8+wpa81)) (== netstandard1.6)
      System.Threading.Tasks (>= 4.3) - restriction: || (== net40) (&& (== net45) (< portable-net45+win8+wpa81)) (== netstandard1.6)
    System.Collections.Immutable (1.5) - restriction: || (&& (== net40) (< net35) (>= netstandard1.3)) (&& (== net40) (< net35) (>= netstandard1.5)) (&& (== net40) (< net35) (>= netstandard2.0)) (&& (== net40) (>= netstandard1.3) (>= win8)) (&& (== net40) (>= netstandard1.3) (>= wpa81)) (&& (== net40) (>= netstandard1.5) (>= win8)) (&& (== net40) (>= netstandard1.5) (>= wpa81)) (&& (== net45) (< net35) (>= netstandard1.3)) (&& (== net45) (< net35) (>= netstandard1.5)) (&& (== net45) (< net35) (>= netstandard2.0)) (&& (== net45) (< netstandard1.1) (>= netstandard1.3) (>= win8)) (&& (== net45) (< netstandard1.1) (>= netstandard1.5) (>= win8)) (&& (== net45) (>= netstandard1.3) (>= wpa81)) (&& (== net45) (>= netstandard1.5) (>= wpa81)) (== netstandard1.6)
      NETStandard.Library (>= 1.6.1) - restriction: || (&& (== net40) (>= netstandard1.0)) (&& (== net40) (>= netstandard1.3)) (== netstandard1.6)
    System.Collections.NonGeneric (4.3) - restriction: || (&& (== net40) (< net35) (>= net462)) (&& (== net40) (< net35) (>= netstandard1.5)) (&& (== net45) (< net35) (>= net462)) (&& (== net45) (< net35) (>= netstandard1.5)) (== netstandard1.6)
      System.Diagnostics.Debug (>= 4.3) - restriction: || (&& (== net40) (>= netstandard1.3)) (&& (== net45) (>= netstandard1.3)) (== netstandard1.6)
      System.Globalization (>= 4.3) - restriction: || (&& (== net40) (>= netstandard1.3)) (&& (== net45) (>= netstandard1.3)) (== netstandard1.6)
      System.Resources.ResourceManager (>= 4.3) - restriction: || (&& (== net40) (>= netstandard1.3)) (&& (== net45) (>= netstandard1.3)) (== netstandard1.6)
      System.Runtime (>= 4.3) - restriction: || (&& (== net40) (>= netstandard1.3)) (&& (== net45) (>= netstandard1.3)) (== netstandard1.6)
      System.Runtime.Extensions (>= 4.3) - restriction: || (&& (== net40) (>= netstandard1.3)) (&& (== net45) (>= netstandard1.3)) (== netstandard1.6)
      System.Threading (>= 4.3) - restriction: || (&& (== net40) (>= netstandard1.3)) (&& (== net45) (>= netstandard1.3)) (== netstandard1.6)
    System.Collections.Specialized (4.3) - restriction: || (&& (== net40) (< net35) (>= netstandard1.5)) (&& (== net45) (< net35) (>= netstandard1.5)) (== netstandard1.6)
      System.Collections.NonGeneric (>= 4.3) - restriction: || (&& (== net40) (>= netstandard1.3)) (&& (== net45) (>= netstandard1.3)) (== netstandard1.6)
      System.Globalization (>= 4.3) - restriction: || (&& (== net40) (>= netstandard1.3)) (&& (== net45) (>= netstandard1.3)) (== netstandard1.6)
      System.Globalization.Extensions (>= 4.3) - restriction: || (&& (== net40) (>= netstandard1.3)) (&& (== net45) (>= netstandard1.3)) (== netstandard1.6)
      System.Resources.ResourceManager (>= 4.3) - restriction: || (&& (== net40) (>= netstandard1.3)) (&& (== net45) (>= netstandard1.3)) (== netstandard1.6)
      System.Runtime (>= 4.3) - restriction: || (&& (== net40) (>= netstandard1.3)) (&& (== net45) (>= netstandard1.3)) (== netstandard1.6)
      System.Runtime.Extensions (>= 4.3) - restriction: || (&& (== net40) (>= netstandard1.3)) (&& (== net45) (>= netstandard1.3)) (== netstandard1.6)
      System.Threading (>= 4.3) - restriction: || (&& (== net40) (>= netstandard1.3)) (&& (== net45) (>= netstandard1.3)) (== netstandard1.6)
    System.ComponentModel (4.3) - restriction: || (&& (== net40) (< net35) (>= netstandard1.3)) (&& (== net40) (< net35) (>= netstandard1.5)) (&& (== net45) (< net35) (>= netstandard1.3)) (&& (== net45) (< net35) (>= netstandard1.5)) (== netstandard1.6)
      System.Runtime (>= 4.3) - restriction: || (== net40) (&& (== net45) (< portable-net45+win8+wp8+wpa81)) (== netstandard1.6)
    System.ComponentModel.Primitives (4.3) - restriction: || (&& (== net40) (< net35) (>= net462)) (&& (== net40) (< net35) (>= netstandard1.3)) (&& (== net40) (< net35) (>= netstandard1.5)) (&& (== net40) (>= netstandard1.5) (>= win8)) (&& (== net40) (>= netstandard1.5) (>= wp8)) (&& (== net40) (>= netstandard1.5) (>= wpa81)) (&& (== net45) (< net35) (>= net462)) (&& (== net45) (< net35) (>= netstandard1.3)) (&& (== net45) (< net35) (>= netstandard1.5)) (&& (== net45) (< netstandard1.0) (>= netstandard1.5) (>= win8)) (&& (== net45) (>= netstandard1.5) (>= wp8)) (&& (== net45) (>= netstandard1.5) (>= wpa81)) (== netstandard1.6)
      System.ComponentModel (>= 4.3) - restriction: || (&& (== net40) (>= netstandard1.0)) (== netstandard1.6)
      System.Resources.ResourceManager (>= 4.3) - restriction: || (&& (== net40) (>= netstandard1.0)) (== netstandard1.6)
      System.Runtime (>= 4.3) - restriction: || (&& (== net40) (>= netstandard1.0)) (== netstandard1.6)
    System.ComponentModel.TypeConverter (4.3) - restriction: || (&& (== net40) (< net35) (>= netstandard1.5)) (&& (== net45) (< net35) (>= netstandard1.5)) (== netstandard1.6)
      System.Collections (>= 4.3) - restriction: || (&& (== net40) (>= netstandard1.0)) (&& (== net40) (>= netstandard1.5)) (== netstandard1.6)
      System.Collections.NonGeneric (>= 4.3) - restriction: || (&& (== net40) (>= net462)) (&& (== net40) (>= netstandard1.5)) (&& (== net45) (>= net462)) (== netstandard1.6)
      System.Collections.Specialized (>= 4.3) - restriction: || (&& (== net40) (>= netstandard1.5)) (== netstandard1.6)
      System.ComponentModel (>= 4.3) - restriction: || (&& (== net40) (>= netstandard1.0)) (&& (== net40) (>= netstandard1.5)) (== netstandard1.6)
      System.ComponentModel.Primitives (>= 4.3) - restriction: || (&& (== net40) (>= net45)) (&& (== net40) (>= net462)) (&& (== net40) (>= netstandard1.0)) (&& (== net40) (>= netstandard1.5)) (&& (== net40) (>= win8)) (&& (== net40) (>= wp8)) (&& (== net40) (>= wpa81)) (== net45) (== netstandard1.6)
      System.Globalization (>= 4.3) - restriction: || (&& (== net40) (>= netstandard1.0)) (&& (== net40) (>= netstandard1.5)) (== netstandard1.6)
      System.Linq (>= 4.3) - restriction: || (&& (== net40) (>= netstandard1.5)) (== netstandard1.6)
      System.Reflection (>= 4.3) - restriction: || (&& (== net40) (>= netstandard1.0)) (&& (== net40) (>= netstandard1.5)) (== netstandard1.6)
      System.Reflection.Extensions (>= 4.3) - restriction: || (&& (== net40) (>= netstandard1.0)) (&& (== net40) (>= netstandard1.5)) (== netstandard1.6)
      System.Reflection.Primitives (>= 4.3) - restriction: || (&& (== net40) (>= netstandard1.0)) (&& (== net40) (>= netstandard1.5)) (== netstandard1.6)
      System.Reflection.TypeExtensions (>= 4.3) - restriction: || (&& (== net40) (>= netstandard1.5)) (== netstandard1.6)
      System.Resources.ResourceManager (>= 4.3) - restriction: || (&& (== net40) (>= netstandard1.0)) (&& (== net40) (>= netstandard1.5)) (== netstandard1.6)
      System.Runtime (>= 4.3) - restriction: || (&& (== net40) (>= netstandard1.0)) (&& (== net40) (>= netstandard1.5)) (== netstandard1.6)
      System.Runtime.Extensions (>= 4.3) - restriction: || (&& (== net40) (>= netstandard1.0)) (&& (== net40) (>= netstandard1.5)) (== netstandard1.6)
      System.Threading (>= 4.3) - restriction: || (&& (== net40) (>= netstandard1.0)) (&& (== net40) (>= netstandard1.5)) (== netstandard1.6)
    System.Console (4.3.1) - restriction: || (&& (== net40) (< net20) (>= netstandard1.6)) (&& (== net40) (< net35) (>= net46)) (&& (== net40) (< net35) (>= netstandard1.3)) (&& (== net40) (< net35) (>= netstandard1.4)) (&& (== net40) (< net35) (>= netstandard1.5)) (&& (== net40) (< net35) (>= netstandard1.6)) (&& (== net40) (>= uap10.0)) (&& (== net45) (< net20) (>= netstandard1.6)) (&& (== net45) (< net35) (>= net46)) (&& (== net45) (< net35) (>= netstandard1.3)) (&& (== net45) (< net35) (>= netstandard1.4)) (&& (== net45) (< net35) (>= netstandard1.5)) (&& (== net45) (< net35) (>= netstandard1.6)) (&& (== net45) (>= uap10.0)) (== netstandard1.6)
      Microsoft.NETCore.Platforms (>= 1.1) - restriction: || (&& (== net40) (>= netstandard1.3)) (&& (== net45) (>= netstandard1.3)) (== netstandard1.6)
      Microsoft.NETCore.Targets (>= 1.1.2) - restriction: || (&& (== net40) (>= netstandard1.3)) (&& (== net45) (>= netstandard1.3)) (== netstandard1.6)
      System.IO (>= 4.3) - restriction: || (&& (== net40) (>= netstandard1.3)) (&& (== net45) (>= netstandard1.3)) (== netstandard1.6)
      System.Runtime (>= 4.3) - restriction: || (&& (== net40) (>= netstandard1.3)) (&& (== net45) (>= netstandard1.3)) (== netstandard1.6)
      System.Text.Encoding (>= 4.3) - restriction: || (&& (== net40) (>= netstandard1.3)) (&& (== net45) (>= netstandard1.3)) (== netstandard1.6)
    System.Data.Common (4.3) - restriction: || (&& (== net40) (< net35) (>= netstandard1.3)) (&& (== net40) (< net35) (>= netstandard1.5)) (&& (== net45) (< net35) (>= netstandard1.3)) (&& (== net45) (< net35) (>= netstandard1.5)) (== netstandard1.6)
      System.Collections (>= 4.3) - restriction: || (&& (== net40) (>= netstandard1.2)) (&& (== net45) (>= netstandard1.2)) (== netstandard1.6)
      System.Globalization (>= 4.3) - restriction: || (&& (== net40) (>= netstandard1.2)) (&& (== net45) (>= netstandard1.2)) (== netstandard1.6)
      System.IO (>= 4.3) - restriction: || (&& (== net40) (>= netstandard1.2)) (&& (== net45) (>= netstandard1.2)) (== netstandard1.6)
      System.Resources.ResourceManager (>= 4.3) - restriction: || (&& (== net40) (>= netstandard1.2)) (&& (== net45) (>= netstandard1.2)) (== netstandard1.6)
      System.Runtime (>= 4.3) - restriction: || (&& (== net40) (>= netstandard1.2)) (&& (== net45) (>= netstandard1.2)) (== netstandard1.6)
      System.Runtime.Extensions (>= 4.3) - restriction: || (&& (== net40) (>= netstandard1.2)) (&& (== net45) (>= netstandard1.2)) (== netstandard1.6)
      System.Text.RegularExpressions (>= 4.3) - restriction: || (&& (== net40) (>= netstandard1.2)) (&& (== net45) (>= netstandard1.2)) (== netstandard1.6)
      System.Threading.Tasks (>= 4.3) - restriction: || (&& (== net40) (>= netstandard1.2)) (&& (== net45) (>= netstandard1.2)) (== netstandard1.6)
    System.Diagnostics.Debug (4.3) - restriction: || (&& (== net40) (< net20) (>= netstandard1.6)) (&& (== net45) (< net20) (>= netstandard1.6)) (== netstandard1.6)
      Microsoft.NETCore.Platforms (>= 1.1) - restriction: || (== net40) (&& (== net45) (< portable-net45+win8+wp8+wpa81)) (== netstandard1.6)
      Microsoft.NETCore.Targets (>= 1.1) - restriction: || (== net40) (&& (== net45) (< portable-net45+win8+wp8+wpa81)) (== netstandard1.6)
      System.Runtime (>= 4.3) - restriction: || (== net40) (&& (== net45) (< portable-net45+win8+wp8+wpa81)) (== netstandard1.6)
    System.Diagnostics.DiagnosticSource (4.5.1) - restriction: || (&& (== net40) (< net35) (>= net46)) (&& (== net40) (< net35) (>= netstandard1.3)) (&& (== net40) (< net35) (>= netstandard1.4)) (&& (== net40) (< net35) (>= netstandard1.5)) (&& (== net40) (< net35) (>= netstandard1.6)) (&& (== net40) (>= uap10.0)) (&& (== net45) (< net35) (>= net46)) (&& (== net45) (< net35) (>= netstandard1.3)) (&& (== net45) (< net35) (>= netstandard1.4)) (&& (== net45) (< net35) (>= netstandard1.5)) (&& (== net45) (< net35) (>= netstandard1.6)) (&& (== net45) (>= uap10.0)) (== netstandard1.6)
      System.Collections (>= 4.3) - restriction: || (&& (== net40) (>= netstandard1.1)) (&& (== net40) (>= netstandard1.3)) (== netstandard1.6)
      System.Diagnostics.Debug (>= 4.3) - restriction: || (&& (== net40) (>= netstandard1.3)) (== netstandard1.6)
      System.Diagnostics.Tracing (>= 4.3) - restriction: || (&& (== net40) (>= netstandard1.1)) (&& (== net40) (>= netstandard1.3)) (== netstandard1.6)
      System.Reflection (>= 4.3) - restriction: || (&& (== net40) (>= netstandard1.1)) (&& (== net40) (>= netstandard1.3)) (== netstandard1.6)
      System.Runtime (>= 4.3) - restriction: || (&& (== net40) (>= netstandard1.1)) (&& (== net40) (>= netstandard1.3)) (== netstandard1.6)
      System.Runtime.Extensions (>= 4.3) - restriction: || (&& (== net40) (>= netstandard1.3)) (== netstandard1.6)
      System.Threading (>= 4.3) - restriction: || (&& (== net40) (>= netstandard1.1)) (&& (== net40) (>= netstandard1.3)) (== netstandard1.6)
    System.Diagnostics.Process (4.3) - restriction: || (&& (== net40) (< net35) (>= netstandard1.5)) (&& (== net45) (< net35) (>= netstandard1.5)) (== netstandard1.6)
      Microsoft.NETCore.Platforms (>= 1.1) - restriction: || (&& (== net40) (>= netstandard1.4)) (&& (== net45) (>= netstandard1.4)) (== netstandard1.6)
      Microsoft.Win32.Primitives (>= 4.3) - restriction: || (&& (== net40) (>= netstandard1.4)) (&& (== net45) (>= netstandard1.4)) (== netstandard1.6)
      Microsoft.Win32.Registry (>= 4.3) - restriction: || (&& (== net40) (>= netstandard1.4)) (&& (== net45) (>= netstandard1.4)) (== netstandard1.6)
      runtime.native.System (>= 4.3) - restriction: || (&& (== net40) (>= netstandard1.4)) (&& (== net45) (>= netstandard1.4)) (== netstandard1.6)
      System.Collections (>= 4.3) - restriction: || (&& (== net40) (>= netstandard1.4)) (&& (== net45) (>= netstandard1.4)) (== netstandard1.6)
      System.Diagnostics.Debug (>= 4.3) - restriction: || (&& (== net40) (>= netstandard1.4)) (&& (== net45) (>= netstandard1.4)) (== netstandard1.6)
      System.Globalization (>= 4.3) - restriction: || (&& (== net40) (>= netstandard1.4)) (&& (== net45) (>= netstandard1.4)) (== netstandard1.6)
      System.IO (>= 4.3) - restriction: || (&& (== net40) (>= netstandard1.3)) (&& (== net40) (>= netstandard1.4)) (&& (== net45) (>= netstandard1.3)) (&& (== net45) (>= netstandard1.4)) (== netstandard1.6)
      System.IO.FileSystem (>= 4.3) - restriction: || (&& (== net40) (>= netstandard1.4)) (&& (== net45) (>= netstandard1.4)) (== netstandard1.6)
      System.IO.FileSystem.Primitives (>= 4.3) - restriction: || (&& (== net40) (>= netstandard1.4)) (&& (== net45) (>= netstandard1.4)) (== netstandard1.6)
      System.Resources.ResourceManager (>= 4.3) - restriction: || (&& (== net40) (>= netstandard1.4)) (&& (== net45) (>= netstandard1.4)) (== netstandard1.6)
      System.Runtime (>= 4.3) - restriction: || (&& (== net40) (>= netstandard1.3)) (&& (== net40) (>= netstandard1.4)) (&& (== net45) (>= netstandard1.3)) (&& (== net45) (>= netstandard1.4)) (== netstandard1.6)
      System.Runtime.Extensions (>= 4.3) - restriction: || (&& (== net40) (>= netstandard1.4)) (&& (== net45) (>= netstandard1.4)) (== netstandard1.6)
      System.Runtime.Handles (>= 4.3) - restriction: || (&& (== net40) (>= netstandard1.3)) (&& (== net40) (>= netstandard1.4)) (&& (== net45) (>= netstandard1.3)) (&& (== net45) (>= netstandard1.4)) (== netstandard1.6)
      System.Runtime.InteropServices (>= 4.3) - restriction: || (&& (== net40) (>= netstandard1.4)) (&& (== net45) (>= netstandard1.4)) (== netstandard1.6)
      System.Text.Encoding (>= 4.3) - restriction: || (&& (== net40) (>= netstandard1.3)) (&& (== net40) (>= netstandard1.4)) (&& (== net45) (>= netstandard1.3)) (&& (== net45) (>= netstandard1.4)) (== netstandard1.6)
      System.Text.Encoding.Extensions (>= 4.3) - restriction: || (&& (== net40) (>= netstandard1.4)) (&& (== net45) (>= netstandard1.4)) (== netstandard1.6)
      System.Threading (>= 4.3) - restriction: || (&& (== net40) (>= netstandard1.4)) (&& (== net45) (>= netstandard1.4)) (== netstandard1.6)
      System.Threading.Tasks (>= 4.3) - restriction: || (&& (== net40) (>= netstandard1.4)) (&& (== net45) (>= netstandard1.4)) (== netstandard1.6)
      System.Threading.Thread (>= 4.3) - restriction: || (&& (== net40) (>= netstandard1.4)) (&& (== net45) (>= netstandard1.4)) (== netstandard1.6)
      System.Threading.ThreadPool (>= 4.3) - restriction: || (&& (== net40) (>= netstandard1.4)) (&& (== net45) (>= netstandard1.4)) (== netstandard1.6)
    System.Diagnostics.StackTrace (4.3) - restriction: || (&& (== net40) (< net35) (>= netstandard1.3)) (&& (== net40) (< net35) (>= netstandard1.5)) (&& (== net45) (< net35) (>= netstandard1.3)) (&& (== net45) (< net35) (>= netstandard1.5)) (== netstandard1.6)
      System.IO.FileSystem (>= 4.3) - restriction: || (&& (== net40) (>= netstandard1.3)) (&& (== net45) (>= netstandard1.3)) (== netstandard1.6)
      System.Reflection (>= 4.3) - restriction: || (&& (== net40) (>= netstandard1.3)) (&& (== net45) (>= netstandard1.3)) (== netstandard1.6)
      System.Reflection.Metadata (>= 1.4.1) - restriction: || (&& (== net40) (>= netstandard1.3)) (&& (== net45) (>= netstandard1.3)) (== netstandard1.6)
      System.Runtime (>= 4.3) - restriction: || (&& (== net40) (>= netstandard1.3)) (&& (== net45) (>= netstandard1.3)) (== netstandard1.6)
    System.Diagnostics.Tools (4.3) - restriction: || (&& (== net40) (< net20) (>= netstandard1.6)) (&& (== net40) (< net35) (>= netstandard1.3)) (&& (== net40) (< net35) (>= netstandard1.4)) (&& (== net40) (< net35) (>= netstandard1.5)) (&& (== net40) (< net35) (>= netstandard1.6)) (&& (== net40) (>= uap10.0)) (&& (== net45) (< net20) (>= netstandard1.6)) (&& (== net45) (< net35) (>= netstandard1.3)) (&& (== net45) (< net35) (>= netstandard1.4)) (&& (== net45) (< net35) (>= netstandard1.5)) (&& (== net45) (< net35) (>= netstandard1.6)) (&& (== net45) (>= uap10.0)) (== netstandard1.6)
      Microsoft.NETCore.Platforms (>= 1.1) - restriction: || (== net40) (&& (== net45) (< portable-net45+win8+wp8+wpa81)) (== netstandard1.6)
      Microsoft.NETCore.Targets (>= 1.1) - restriction: || (== net40) (&& (== net45) (< portable-net45+win8+wp8+wpa81)) (== netstandard1.6)
      System.Runtime (>= 4.3) - restriction: || (== net40) (&& (== net45) (< portable-net45+win8+wp8+wpa81)) (== netstandard1.6)
    System.Diagnostics.TraceSource (4.3) - restriction: || (&& (== net40) (< net35) (>= netstandard1.5)) (&& (== net45) (< net35) (>= netstandard1.5)) (== netstandard1.6)
      Microsoft.NETCore.Platforms (>= 1.1) - restriction: || (&& (== net40) (>= netstandard1.3)) (&& (== net45) (>= netstandard1.3)) (== netstandard1.6)
      runtime.native.System (>= 4.3) - restriction: || (&& (== net40) (>= netstandard1.3)) (&& (== net45) (>= netstandard1.3)) (== netstandard1.6)
      System.Collections (>= 4.3) - restriction: || (&& (== net40) (>= netstandard1.3)) (&& (== net45) (>= netstandard1.3)) (== netstandard1.6)
      System.Diagnostics.Debug (>= 4.3) - restriction: || (&& (== net40) (>= netstandard1.3)) (&& (== net45) (>= netstandard1.3)) (== netstandard1.6)
      System.Globalization (>= 4.3) - restriction: || (&& (== net40) (>= netstandard1.3)) (&& (== net45) (>= netstandard1.3)) (== netstandard1.6)
      System.Resources.ResourceManager (>= 4.3) - restriction: || (&& (== net40) (>= netstandard1.3)) (&& (== net45) (>= netstandard1.3)) (== netstandard1.6)
      System.Runtime (>= 4.3) - restriction: || (&& (== net40) (>= netstandard1.3)) (&& (== net45) (>= netstandard1.3)) (== netstandard1.6)
      System.Runtime.Extensions (>= 4.3) - restriction: || (&& (== net40) (>= netstandard1.3)) (&& (== net45) (>= netstandard1.3)) (== netstandard1.6)
      System.Threading (>= 4.3) - restriction: || (&& (== net40) (>= netstandard1.3)) (&& (== net45) (>= netstandard1.3)) (== netstandard1.6)
    System.Diagnostics.Tracing (4.3) - restriction: || (&& (== net40) (< net35) (>= netstandard1.3)) (&& (== net40) (< net35) (>= netstandard1.5)) (&& (== net45) (< net35) (>= netstandard1.3)) (&& (== net45) (< net35) (>= netstandard1.5)) (== netstandard1.6)
      Microsoft.NETCore.Platforms (>= 1.1) - restriction: || (== net40) (&& (== net45) (< portable-net45+win8+wpa81)) (== netstandard1.6)
      Microsoft.NETCore.Targets (>= 1.1) - restriction: || (== net40) (&& (== net45) (< portable-net45+win8+wpa81)) (== netstandard1.6)
      System.Runtime (>= 4.3) - restriction: || (== net40) (&& (== net45) (< portable-net45+win8+wpa81)) (== netstandard1.6)
    System.Globalization (4.3) - restriction: || (&& (== net40) (< net20) (>= netstandard1.6)) (&& (== net45) (< net20) (>= netstandard1.6)) (== netstandard1.6)
      Microsoft.NETCore.Platforms (>= 1.1) - restriction: || (== net40) (&& (== net45) (< portable-net45+win8+wp8+wpa81)) (== netstandard1.6)
      Microsoft.NETCore.Targets (>= 1.1) - restriction: || (== net40) (&& (== net45) (< portable-net45+win8+wp8+wpa81)) (== netstandard1.6)
      System.Runtime (>= 4.3) - restriction: || (== net40) (&& (== net45) (< portable-net45+win8+wp8+wpa81)) (== netstandard1.6)
    System.Globalization.Calendars (4.3) - restriction: || (&& (== net40) (< net35) (>= net46)) (&& (== net40) (< net35) (>= netstandard1.3)) (&& (== net40) (< net35) (>= netstandard1.4)) (&& (== net40) (< net35) (>= netstandard1.5)) (&& (== net40) (< net35) (>= netstandard1.6)) (&& (== net40) (>= uap10.0)) (&& (== net45) (< net35) (>= net46)) (&& (== net45) (< net35) (>= netstandard1.3)) (&& (== net45) (< net35) (>= netstandard1.4)) (&& (== net45) (< net35) (>= netstandard1.5)) (&& (== net45) (< net35) (>= netstandard1.6)) (&& (== net45) (>= uap10.0)) (== netstandard1.6)
      Microsoft.NETCore.Platforms (>= 1.1) - restriction: || (&& (== net40) (>= netstandard1.3)) (&& (== net45) (>= netstandard1.3)) (== netstandard1.6)
      Microsoft.NETCore.Targets (>= 1.1) - restriction: || (&& (== net40) (>= netstandard1.3)) (&& (== net45) (>= netstandard1.3)) (== netstandard1.6)
      System.Globalization (>= 4.3) - restriction: || (&& (== net40) (>= netstandard1.3)) (&& (== net45) (>= netstandard1.3)) (== netstandard1.6)
      System.Runtime (>= 4.3) - restriction: || (&& (== net40) (>= netstandard1.3)) (&& (== net45) (>= netstandard1.3)) (== netstandard1.6)
    System.Globalization.Extensions (4.3) - restriction: || (&& (== net40) (< net35) (>= netstandard1.6)) (&& (== net40) (>= netstandard1.6) (>= uap10.0)) (&& (== net45) (< net35) (>= netstandard1.6)) (&& (== net45) (>= netstandard1.6) (>= uap10.0)) (== netstandard1.6)
      Microsoft.NETCore.Platforms (>= 1.1) - restriction: || (&& (== net40) (>= netstandard1.3)) (&& (== net45) (>= netstandard1.3)) (== netstandard1.6)
      System.Globalization (>= 4.3) - restriction: || (&& (== net40) (>= netstandard1.3)) (&& (== net45) (>= netstandard1.3)) (== netstandard1.6)
      System.Resources.ResourceManager (>= 4.3) - restriction: || (&& (== net40) (>= netstandard1.3)) (&& (== net45) (>= netstandard1.3)) (== netstandard1.6)
      System.Runtime (>= 4.3) - restriction: || (&& (== net40) (>= netstandard1.3)) (&& (== net45) (>= netstandard1.3)) (== netstandard1.6)
      System.Runtime.Extensions (>= 4.3) - restriction: || (&& (== net40) (>= netstandard1.3)) (&& (== net45) (>= netstandard1.3)) (== netstandard1.6)
      System.Runtime.InteropServices (>= 4.3) - restriction: || (&& (== net40) (>= netstandard1.3)) (&& (== net45) (>= netstandard1.3)) (== netstandard1.6)
    System.IO (4.3) - restriction: || (&& (== net40) (< net20) (>= netstandard1.6)) (&& (== net45) (< net20) (>= netstandard1.6)) (== netstandard1.6)
      Microsoft.NETCore.Platforms (>= 1.1) - restriction: || (== net40) (&& (== net45) (< portable-net45+win8+wp8+wpa81)) (== netstandard1.6)
      Microsoft.NETCore.Targets (>= 1.1) - restriction: || (== net40) (&& (== net45) (< portable-net45+win8+wp8+wpa81)) (== netstandard1.6)
      System.Runtime (>= 4.3) - restriction: || (== net40) (&& (== net45) (< portable-net45+win8+wp8+wpa81)) (== netstandard1.6)
      System.Text.Encoding (>= 4.3) - restriction: || (== net40) (&& (== net45) (< portable-net45+win8+wp8+wpa81)) (== netstandard1.6)
      System.Threading.Tasks (>= 4.3) - restriction: || (== net40) (&& (== net45) (< portable-net45+win8+wp8+wpa81)) (== netstandard1.6)
    System.IO.Compression (4.3) - restriction: || (&& (== net40) (< net35) (>= net46)) (&& (== net40) (< net35) (>= netstandard1.3)) (&& (== net40) (< net35) (>= netstandard1.4)) (&& (== net40) (< net35) (>= netstandard1.5)) (&& (== net40) (< net35) (>= netstandard1.6)) (&& (== net40) (>= uap10.0)) (&& (== net45) (< net35) (>= net46)) (&& (== net45) (< net35) (>= netstandard1.3)) (&& (== net45) (< net35) (>= netstandard1.4)) (&& (== net45) (< net35) (>= netstandard1.5)) (&& (== net45) (< net35) (>= netstandard1.6)) (&& (== net45) (>= uap10.0)) (== netstandard1.6)
      Microsoft.NETCore.Platforms (>= 1.1) - restriction: || (&& (== net40) (>= netstandard1.3)) (== netstandard1.6)
      runtime.native.System (>= 4.3) - restriction: || (&& (== net40) (>= netstandard1.3)) (== netstandard1.6)
      runtime.native.System.IO.Compression (>= 4.3) - restriction: || (== net40) (&& (== net45) (< portable-net45+win8+wpa81)) (== netstandard1.6)
      System.Buffers (>= 4.3) - restriction: || (== net40) (&& (== net45) (< portable-net45+win8+wpa81)) (== netstandard1.6)
      System.Collections (>= 4.3) - restriction: || (== net40) (&& (== net45) (< portable-net45+win8+wpa81)) (== netstandard1.6)
      System.Diagnostics.Debug (>= 4.3) - restriction: || (== net40) (&& (== net45) (< portable-net45+win8+wpa81)) (== netstandard1.6)
      System.IO (>= 4.3) - restriction: || (== net40) (&& (== net45) (< portable-net45+win8+wpa81)) (== netstandard1.6)
      System.Resources.ResourceManager (>= 4.3) - restriction: || (== net40) (&& (== net45) (< portable-net45+win8+wpa81)) (== netstandard1.6)
      System.Runtime (>= 4.3) - restriction: || (== net40) (&& (== net45) (< portable-net45+win8+wpa81)) (== netstandard1.6)
      System.Runtime.Extensions (>= 4.3) - restriction: || (== net40) (&& (== net45) (< portable-net45+win8+wpa81)) (== netstandard1.6)
      System.Runtime.Handles (>= 4.3) - restriction: || (== net40) (&& (== net45) (< portable-net45+win8+wpa81)) (== netstandard1.6)
      System.Runtime.InteropServices (>= 4.3) - restriction: || (== net40) (&& (== net45) (< portable-net45+win8+wpa81)) (== netstandard1.6)
      System.Text.Encoding (>= 4.3) - restriction: || (== net40) (&& (== net45) (< portable-net45+win8+wpa81)) (== netstandard1.6)
      System.Threading (>= 4.3) - restriction: || (== net40) (&& (== net45) (< portable-net45+win8+wpa81)) (== netstandard1.6)
      System.Threading.Tasks (>= 4.3) - restriction: || (== net40) (&& (== net45) (< portable-net45+win8+wpa81)) (== netstandard1.6)
    System.IO.Compression.ZipFile (4.3) - restriction: || (&& (== net40) (< net35) (>= net46)) (&& (== net40) (< net35) (>= netstandard1.3)) (&& (== net40) (< net35) (>= netstandard1.4)) (&& (== net40) (< net35) (>= netstandard1.5)) (&& (== net40) (< net35) (>= netstandard1.6)) (&& (== net40) (>= uap10.0)) (&& (== net45) (< net35) (>= net46)) (&& (== net45) (< net35) (>= netstandard1.3)) (&& (== net45) (< net35) (>= netstandard1.4)) (&& (== net45) (< net35) (>= netstandard1.5)) (&& (== net45) (< net35) (>= netstandard1.6)) (&& (== net45) (>= uap10.0)) (== netstandard1.6)
      System.Buffers (>= 4.3) - restriction: || (&& (== net40) (>= netstandard1.3)) (&& (== net45) (>= netstandard1.3)) (== netstandard1.6)
      System.IO (>= 4.3) - restriction: || (&& (== net40) (>= netstandard1.3)) (&& (== net45) (>= netstandard1.3)) (== netstandard1.6)
      System.IO.Compression (>= 4.3) - restriction: || (&& (== net40) (>= netstandard1.3)) (&& (== net45) (>= netstandard1.3)) (== netstandard1.6)
      System.IO.FileSystem (>= 4.3) - restriction: || (&& (== net40) (>= netstandard1.3)) (&& (== net45) (>= netstandard1.3)) (== netstandard1.6)
      System.IO.FileSystem.Primitives (>= 4.3) - restriction: || (&& (== net40) (>= netstandard1.3)) (&& (== net45) (>= netstandard1.3)) (== netstandard1.6)
      System.Resources.ResourceManager (>= 4.3) - restriction: || (&& (== net40) (>= netstandard1.3)) (&& (== net45) (>= netstandard1.3)) (== netstandard1.6)
      System.Runtime (>= 4.3) - restriction: || (&& (== net40) (>= netstandard1.3)) (&& (== net45) (>= netstandard1.3)) (== netstandard1.6)
      System.Runtime.Extensions (>= 4.3) - restriction: || (&& (== net40) (>= netstandard1.3)) (&& (== net45) (>= netstandard1.3)) (== netstandard1.6)
      System.Text.Encoding (>= 4.3) - restriction: || (&& (== net40) (>= netstandard1.3)) (&& (== net45) (>= netstandard1.3)) (== netstandard1.6)
    System.IO.FileSystem (4.3) - restriction: || (&& (== net40) (< net35) (>= netstandard1.5)) (&& (== net45) (< net35) (>= netstandard1.5)) (== netstandard1.6)
      Microsoft.NETCore.Platforms (>= 1.1) - restriction: || (&& (== net40) (>= netstandard1.3)) (&& (== net45) (>= netstandard1.3)) (== netstandard1.6)
      Microsoft.NETCore.Targets (>= 1.1) - restriction: || (&& (== net40) (>= netstandard1.3)) (&& (== net45) (>= netstandard1.3)) (== netstandard1.6)
      System.IO (>= 4.3) - restriction: || (&& (== net40) (>= netstandard1.3)) (&& (== net45) (>= netstandard1.3)) (== netstandard1.6)
      System.IO.FileSystem.Primitives (>= 4.3) - restriction: || (&& (== net40) (>= net46)) (&& (== net40) (>= netstandard1.3)) (&& (== net45) (>= net46)) (&& (== net45) (>= netstandard1.3)) (== netstandard1.6)
      System.Runtime (>= 4.3) - restriction: || (&& (== net40) (>= netstandard1.3)) (&& (== net45) (>= netstandard1.3)) (== netstandard1.6)
      System.Runtime.Handles (>= 4.3) - restriction: || (&& (== net40) (>= netstandard1.3)) (&& (== net45) (>= netstandard1.3)) (== netstandard1.6)
      System.Text.Encoding (>= 4.3) - restriction: || (&& (== net40) (>= netstandard1.3)) (&& (== net45) (>= netstandard1.3)) (== netstandard1.6)
      System.Threading.Tasks (>= 4.3) - restriction: || (&& (== net40) (>= netstandard1.3)) (&& (== net45) (>= netstandard1.3)) (== netstandard1.6)
    System.IO.FileSystem.Primitives (4.3) - restriction: || (&& (== net40) (< net35) (>= netstandard1.5)) (&& (== net45) (< net35) (>= netstandard1.5)) (== netstandard1.6)
      System.Runtime (>= 4.3) - restriction: || (&& (== net40) (>= netstandard1.3)) (&& (== net45) (>= netstandard1.3)) (== netstandard1.6)
    System.IO.FileSystem.Watcher (4.3) - restriction: || (&& (== net40) (< net35) (>= netstandard1.5)) (&& (== net45) (< net35) (>= netstandard1.5)) (== netstandard1.6)
      Microsoft.NETCore.Platforms (>= 1.1) - restriction: || (&& (== net40) (>= netstandard1.3)) (&& (== net45) (>= netstandard1.3)) (== netstandard1.6)
      Microsoft.Win32.Primitives (>= 4.3) - restriction: || (&& (== net40) (>= netstandard1.3)) (&& (== net45) (>= netstandard1.3)) (== netstandard1.6)
      runtime.native.System (>= 4.3) - restriction: || (&& (== net40) (>= netstandard1.3)) (&& (== net45) (>= netstandard1.3)) (== netstandard1.6)
      System.Collections (>= 4.3) - restriction: || (&& (== net40) (>= netstandard1.3)) (&& (== net45) (>= netstandard1.3)) (== netstandard1.6)
      System.IO.FileSystem (>= 4.3) - restriction: || (&& (== net40) (>= netstandard1.3)) (&& (== net45) (>= netstandard1.3)) (== netstandard1.6)
      System.IO.FileSystem.Primitives (>= 4.3) - restriction: || (&& (== net40) (>= netstandard1.3)) (&& (== net45) (>= netstandard1.3)) (== netstandard1.6)
      System.Resources.ResourceManager (>= 4.3) - restriction: || (&& (== net40) (>= netstandard1.3)) (&& (== net45) (>= netstandard1.3)) (== netstandard1.6)
      System.Runtime (>= 4.3) - restriction: || (&& (== net40) (>= netstandard1.3)) (&& (== net45) (>= netstandard1.3)) (== netstandard1.6)
      System.Runtime.Extensions (>= 4.3) - restriction: || (&& (== net40) (>= netstandard1.3)) (&& (== net45) (>= netstandard1.3)) (== netstandard1.6)
      System.Runtime.Handles (>= 4.3) - restriction: || (&& (== net40) (>= netstandard1.3)) (&& (== net45) (>= netstandard1.3)) (== netstandard1.6)
      System.Runtime.InteropServices (>= 4.3) - restriction: || (&& (== net40) (>= netstandard1.3)) (&& (== net45) (>= netstandard1.3)) (== netstandard1.6)
      System.Text.Encoding (>= 4.3) - restriction: || (&& (== net40) (>= netstandard1.3)) (&& (== net45) (>= netstandard1.3)) (== netstandard1.6)
      System.Threading (>= 4.3) - restriction: || (&& (== net40) (>= netstandard1.3)) (&& (== net45) (>= netstandard1.3)) (== netstandard1.6)
      System.Threading.Overlapped (>= 4.3) - restriction: || (&& (== net40) (>= netstandard1.3)) (&& (== net45) (>= netstandard1.3)) (== netstandard1.6)
      System.Threading.Tasks (>= 4.3) - restriction: || (&& (== net40) (>= netstandard1.3)) (&& (== net45) (>= netstandard1.3)) (== netstandard1.6)
      System.Threading.Thread (>= 4.3) - restriction: || (&& (== net40) (>= netstandard1.3)) (&& (== net45) (>= netstandard1.3)) (== netstandard1.6)
    System.Linq (4.3) - restriction: || (&& (== net40) (< net20) (>= netstandard1.6)) (&& (== net45) (< net20) (>= netstandard1.6)) (== netstandard1.6)
      System.Collections (>= 4.3) - restriction: || (== net40) (&& (== net45) (< portable-net45+win8+wp8+wpa81)) (== netstandard1.6)
      System.Diagnostics.Debug (>= 4.3) - restriction: || (== net40) (&& (== net45) (< portable-net45+win8+wp8+wpa81)) (== netstandard1.6)
      System.Resources.ResourceManager (>= 4.3) - restriction: || (== net40) (&& (== net45) (< portable-net45+win8+wp8+wpa81)) (== netstandard1.6)
      System.Runtime (>= 4.3) - restriction: || (== net40) (&& (== net45) (< portable-net45+win8+wp8+wpa81)) (== netstandard1.6)
      System.Runtime.Extensions (>= 4.3) - restriction: || (== net40) (&& (== net45) (< portable-net45+win8+wp8+wpa81)) (== netstandard1.6)
    System.Linq.Expressions (4.3) - restriction: || (&& (== net40) (< net20) (>= netstandard1.6)) (&& (== net45) (< net20) (>= netstandard1.6)) (== netstandard1.6)
      System.Collections (>= 4.3) - restriction: || (== net40) (&& (== net45) (< portable-net45+win8+wp8+wpa81)) (== netstandard1.6)
      System.Diagnostics.Debug (>= 4.3) - restriction: || (== net40) (&& (== net45) (< portable-net45+win8+wp8+wpa81)) (== netstandard1.6)
      System.Globalization (>= 4.3) - restriction: || (== net40) (&& (== net45) (< portable-net45+win8+wp8+wpa81)) (== netstandard1.6)
      System.IO (>= 4.3) - restriction: || (== net40) (&& (== net45) (< portable-net45+win8+wp8+wpa81)) (== netstandard1.6)
      System.Linq (>= 4.3) - restriction: || (== net40) (&& (== net45) (< portable-net45+win8+wp8+wpa81)) (== netstandard1.6)
      System.ObjectModel (>= 4.3) - restriction: || (&& (== net40) (>= netstandard1.6)) (== netstandard1.6)
      System.Reflection (>= 4.3) - restriction: || (== net40) (&& (== net45) (< portable-net45+win8+wp8+wpa81)) (== netstandard1.6)
      System.Reflection.Emit (>= 4.3) - restriction: || (&& (== net40) (>= netstandard1.6)) (== netstandard1.6)
      System.Reflection.Emit.ILGeneration (>= 4.3) - restriction: || (== net40) (&& (== net45) (< portable-net45+win8+wp8+wpa81)) (== netstandard1.6)
      System.Reflection.Emit.Lightweight (>= 4.3) - restriction: || (== net40) (&& (== net45) (< portable-net45+win8+wp8+wpa81)) (== netstandard1.6)
      System.Reflection.Extensions (>= 4.3) - restriction: || (== net40) (&& (== net45) (< portable-net45+win8+wp8+wpa81)) (== netstandard1.6)
      System.Reflection.Primitives (>= 4.3) - restriction: || (== net40) (&& (== net45) (< portable-net45+win8+wp8+wpa81)) (== netstandard1.6)
      System.Reflection.TypeExtensions (>= 4.3) - restriction: || (== net40) (&& (== net45) (< portable-net45+win8+wp8+wpa81)) (== netstandard1.6)
      System.Resources.ResourceManager (>= 4.3) - restriction: || (== net40) (&& (== net45) (< portable-net45+win8+wp8+wpa81)) (== netstandard1.6)
      System.Runtime (>= 4.3) - restriction: || (== net40) (&& (== net45) (< portable-net45+win8+wp8+wpa81)) (== netstandard1.6)
      System.Runtime.Extensions (>= 4.3) - restriction: || (== net40) (&& (== net45) (< portable-net45+win8+wp8+wpa81)) (== netstandard1.6)
      System.Threading (>= 4.3) - restriction: || (== net40) (&& (== net45) (< portable-net45+win8+wp8+wpa81)) (== netstandard1.6)
    System.Linq.Queryable (4.3) - restriction: || (&& (== net40) (< net20) (>= netstandard1.6)) (&& (== net45) (< net20) (>= netstandard1.6)) (== netstandard1.6)
      System.Collections (>= 4.3) - restriction: || (== net40) (&& (== net45) (< portable-net45+win8+wp8+wpa81)) (== netstandard1.6)
      System.Diagnostics.Debug (>= 4.3) - restriction: || (== net40) (&& (== net45) (< portable-net45+win8+wp8+wpa81)) (== netstandard1.6)
      System.Linq (>= 4.3) - restriction: || (== net40) (&& (== net45) (< portable-net45+win8+wp8+wpa81)) (== netstandard1.6)
      System.Linq.Expressions (>= 4.3) - restriction: || (== net40) (&& (== net45) (< portable-net45+win8+wp8+wpa81)) (== netstandard1.6)
      System.Reflection (>= 4.3) - restriction: || (== net40) (&& (== net45) (< portable-net45+win8+wp8+wpa81)) (== netstandard1.6)
      System.Reflection.Extensions (>= 4.3) - restriction: || (== net40) (&& (== net45) (< portable-net45+win8+wp8+wpa81)) (== netstandard1.6)
      System.Resources.ResourceManager (>= 4.3) - restriction: || (== net40) (&& (== net45) (< portable-net45+win8+wp8+wpa81)) (== netstandard1.6)
      System.Runtime (>= 4.3) - restriction: || (== net40) (&& (== net45) (< portable-net45+win8+wp8+wpa81)) (== netstandard1.6)
    System.Net.Http (4.3.3) - restriction: || (&& (== net40) (< net35) (>= net46)) (&& (== net40) (< net35) (>= netstandard1.3)) (&& (== net40) (< net35) (>= netstandard1.4)) (&& (== net40) (< net35) (>= netstandard1.5)) (&& (== net40) (< net35) (>= netstandard1.6)) (&& (== net40) (>= uap10.0)) (&& (== net45) (< net35) (>= net46)) (&& (== net45) (< net35) (>= netstandard1.3)) (&& (== net45) (< net35) (>= netstandard1.4)) (&& (== net45) (< net35) (>= netstandard1.5)) (&& (== net45) (< net35) (>= netstandard1.6)) (&& (== net45) (>= uap10.0)) (== netstandard1.6)
      Microsoft.NETCore.Platforms (>= 1.1) - restriction: || (== net40) (&& (== net45) (< portable-net45+win8+wpa81)) (== netstandard1.6)
      runtime.native.System (>= 4.3) - restriction: || (&& (== net40) (>= netstandard1.6)) (== netstandard1.6)
      runtime.native.System.Net.Http (>= 4.3) - restriction: || (&& (== net40) (>= netstandard1.6)) (== netstandard1.6)
      runtime.native.System.Security.Cryptography.OpenSsl (>= 4.3.2) - restriction: || (&& (== net40) (>= netstandard1.6)) (== netstandard1.6)
      System.Collections (>= 4.3) - restriction: || (== net40) (&& (== net45) (< portable-net45+win8+wpa81)) (== netstandard1.6)
      System.Diagnostics.Debug (>= 4.3) - restriction: || (== net40) (&& (== net45) (< portable-net45+win8+wpa81)) (== netstandard1.6)
      System.Diagnostics.DiagnosticSource (>= 4.3) - restriction: || (== net40) (&& (== net45) (< portable-net45+win8+wpa81)) (== netstandard1.6)
      System.Diagnostics.Tracing (>= 4.3) - restriction: || (== net40) (&& (== net45) (< portable-net45+win8+wpa81)) (== netstandard1.6)
      System.Globalization (>= 4.3) - restriction: || (== net40) (&& (== net45) (< portable-net45+win8+wpa81)) (== netstandard1.6)
      System.Globalization.Extensions (>= 4.3) - restriction: || (&& (== net40) (>= netstandard1.6)) (== netstandard1.6)
      System.IO (>= 4.3) - restriction: || (== net40) (&& (== net45) (< portable-net45+win8+wpa81)) (== netstandard1.6)
      System.IO.FileSystem (>= 4.3) - restriction: || (&& (== net40) (>= netstandard1.6)) (== netstandard1.6)
      System.Net.Primitives (>= 4.3) - restriction: || (== net40) (&& (== net45) (< portable-net45+win8+wpa81)) (== netstandard1.6)
      System.Resources.ResourceManager (>= 4.3) - restriction: || (== net40) (&& (== net45) (< portable-net45+win8+wpa81)) (== netstandard1.6)
      System.Runtime (>= 4.3) - restriction: || (== net40) (&& (== net45) (< portable-net45+win8+wpa81)) (== netstandard1.6)
      System.Runtime.Extensions (>= 4.3) - restriction: || (== net40) (&& (== net45) (< portable-net45+win8+wpa81)) (== netstandard1.6)
      System.Runtime.Handles (>= 4.3) - restriction: || (&& (== net40) (>= netstandard1.3)) (&& (== net40) (>= netstandard1.6)) (== netstandard1.6)
      System.Runtime.InteropServices (>= 4.3) - restriction: || (== net40) (&& (== net45) (< portable-net45+win8+wpa81)) (== netstandard1.6)
      System.Security.Cryptography.Algorithms (>= 4.3) - restriction: || (&& (== net40) (>= netstandard1.6)) (== netstandard1.6)
      System.Security.Cryptography.Encoding (>= 4.3) - restriction: || (&& (== net40) (>= netstandard1.3)) (&& (== net40) (>= netstandard1.6)) (== netstandard1.6)
      System.Security.Cryptography.OpenSsl (>= 4.3) - restriction: || (&& (== net40) (>= netstandard1.6)) (== netstandard1.6)
      System.Security.Cryptography.Primitives (>= 4.3) - restriction: || (&& (== net40) (>= netstandard1.6)) (== netstandard1.6)
      System.Security.Cryptography.X509Certificates (>= 4.3) - restriction: || (== net40) (&& (== net45) (>= net46)) (&& (== net45) (< portable-net45+win8+wpa81)) (== netstandard1.6)
      System.Text.Encoding (>= 4.3) - restriction: || (== net40) (&& (== net45) (< portable-net45+win8+wpa81)) (== netstandard1.6)
      System.Threading (>= 4.3) - restriction: || (== net40) (&& (== net45) (< portable-net45+win8+wpa81)) (== netstandard1.6)
      System.Threading.Tasks (>= 4.3) - restriction: || (== net40) (&& (== net45) (< portable-net45+win8+wpa81)) (== netstandard1.6)
    System.Net.NameResolution (4.3) - restriction: || (&& (== net40) (< net35) (>= netstandard1.3)) (&& (== net40) (< net35) (>= netstandard1.5)) (&& (== net45) (< net35) (>= netstandard1.3)) (&& (== net45) (< net35) (>= netstandard1.5)) (== netstandard1.6)
      Microsoft.NETCore.Platforms (>= 1.1)
      runtime.native.System (>= 4.3) - restriction: || (&& (== net40) (>= netstandard1.3)) (&& (== net45) (>= netstandard1.3)) (== netstandard1.6)
      System.Collections (>= 4.3)
      System.Diagnostics.Tracing (>= 4.3)
      System.Globalization (>= 4.3)
      System.Net.Primitives (>= 4.3)
      System.Resources.ResourceManager (>= 4.3)
      System.Runtime (>= 4.3)
      System.Runtime.Extensions (>= 4.3)
      System.Runtime.Handles (>= 4.3)
      System.Runtime.InteropServices (>= 4.3)
      System.Security.Principal.Windows (>= 4.3) - restriction: || (&& (== net40) (>= netstandard1.3)) (&& (== net45) (>= netstandard1.3)) (== netstandard1.6)
      System.Threading (>= 4.3)
      System.Threading.Tasks (>= 4.3)
    System.Net.Primitives (4.3) - restriction: || (&& (== net40) (< net35) (>= netstandard1.3)) (&& (== net40) (< net35) (>= netstandard1.5)) (&& (== net45) (< net35) (>= netstandard1.3)) (&& (== net45) (< net35) (>= netstandard1.5)) (== netstandard1.6)
      Microsoft.NETCore.Platforms (>= 1.1) - restriction: || (== net40) (&& (== net45) (< netstandard1.1)) (&& (== net45) (< portable-net45+win8+wp8+wpa81)) (== netstandard1.6)
      Microsoft.NETCore.Targets (>= 1.1) - restriction: || (== net40) (&& (== net45) (< netstandard1.1)) (&& (== net45) (< portable-net45+win8+wp8+wpa81)) (== netstandard1.6)
      System.Runtime (>= 4.3) - restriction: || (== net40) (&& (== net45) (< netstandard1.1)) (&& (== net45) (< portable-net45+win8+wp8+wpa81)) (== netstandard1.6)
      System.Runtime.Handles (>= 4.3) - restriction: || (== net40) (&& (== net45) (< portable-net45+win8+wp8+wpa81)) (== netstandard1.6)
    System.Net.Requests (4.3) - restriction: || (&& (== net40) (< net35) (>= netstandard1.3)) (&& (== net40) (< net35) (>= netstandard1.5)) (&& (== net45) (< net35) (>= netstandard1.3)) (&& (== net45) (< net35) (>= netstandard1.5)) (== netstandard1.6)
      Microsoft.NETCore.Platforms (>= 1.1) - restriction: || (&& (== net40) (>= netstandard1.3)) (== netstandard1.6)
      System.Collections (>= 4.3) - restriction: || (== net40) (&& (== net45) (< portable-net45+win8+wp8+wpa81)) (== netstandard1.6)
      System.Diagnostics.Debug (>= 4.3) - restriction: || (== net40) (&& (== net45) (< portable-net45+win8+wp8+wpa81)) (== netstandard1.6)
      System.Diagnostics.Tracing (>= 4.3) - restriction: || (== net40) (&& (== net45) (< portable-net45+win8+wp8+wpa81)) (== netstandard1.6)
      System.Globalization (>= 4.3) - restriction: || (== net40) (&& (== net45) (< portable-net45+win8+wp8+wpa81)) (== netstandard1.6)
      System.IO (>= 4.3) - restriction: || (== net40) (&& (== net45) (< netstandard1.1)) (&& (== net45) (< portable-net45+win8+wp8+wpa81)) (== netstandard1.6)
      System.Net.Http (>= 4.3) - restriction: || (== net40) (&& (== net45) (< portable-net45+win8+wp8+wpa81)) (== netstandard1.6)
      System.Net.Primitives (>= 4.3) - restriction: || (== net40) (&& (== net45) (< netstandard1.1)) (&& (== net45) (< portable-net45+win8+wp8+wpa81)) (== netstandard1.6)
      System.Net.WebHeaderCollection (>= 4.3) - restriction: || (== net40) (&& (== net45) (< portable-net45+win8+wp8+wpa81)) (== netstandard1.6)
      System.Resources.ResourceManager (>= 4.3) - restriction: || (== net40) (&& (== net45) (< portable-net45+win8+wp8+wpa81)) (== netstandard1.6)
      System.Runtime (>= 4.3) - restriction: || (== net40) (&& (== net45) (< netstandard1.1)) (&& (== net45) (< portable-net45+win8+wp8+wpa81)) (== netstandard1.6)
      System.Threading (>= 4.3) - restriction: || (== net40) (&& (== net45) (< portable-net45+win8+wp8+wpa81)) (== netstandard1.6)
      System.Threading.Tasks (>= 4.3) - restriction: || (== net40) (&& (== net45) (< portable-net45+win8+wp8+wpa81)) (== netstandard1.6)
    System.Net.Sockets (4.3) - restriction: || (&& (== net40) (< net35) (>= net46)) (&& (== net40) (< net35) (>= netstandard1.3)) (&& (== net40) (< net35) (>= netstandard1.4)) (&& (== net40) (< net35) (>= netstandard1.5)) (&& (== net40) (< net35) (>= netstandard1.6)) (&& (== net40) (>= uap10.0)) (&& (== net45) (< net35) (>= net46)) (&& (== net45) (< net35) (>= netstandard1.3)) (&& (== net45) (< net35) (>= netstandard1.4)) (&& (== net45) (< net35) (>= netstandard1.5)) (&& (== net45) (< net35) (>= netstandard1.6)) (&& (== net45) (>= uap10.0)) (== netstandard1.6)
      Microsoft.NETCore.Platforms (>= 1.1) - restriction: || (&& (== net40) (>= netstandard1.3)) (&& (== net45) (>= netstandard1.3)) (== netstandard1.6)
      Microsoft.NETCore.Targets (>= 1.1) - restriction: || (&& (== net40) (>= netstandard1.3)) (&& (== net45) (>= netstandard1.3)) (== netstandard1.6)
      System.IO (>= 4.3) - restriction: || (&& (== net40) (>= netstandard1.3)) (&& (== net45) (>= netstandard1.3)) (== netstandard1.6)
      System.Net.Primitives (>= 4.3) - restriction: || (&& (== net40) (>= netstandard1.3)) (&& (== net45) (>= netstandard1.3)) (== netstandard1.6)
      System.Runtime (>= 4.3) - restriction: || (&& (== net40) (>= netstandard1.3)) (&& (== net45) (>= netstandard1.3)) (== netstandard1.6)
      System.Threading.Tasks (>= 4.3) - restriction: || (&& (== net40) (>= netstandard1.3)) (&& (== net45) (>= netstandard1.3)) (== netstandard1.6)
    System.Net.WebHeaderCollection (4.3) - restriction: || (&& (== net40) (< net35) (>= netstandard1.3)) (&& (== net40) (< net35) (>= netstandard1.5)) (&& (== net45) (< net35) (>= netstandard1.3)) (&& (== net45) (< net35) (>= netstandard1.5)) (== netstandard1.6)
      System.Collections (>= 4.3) - restriction: || (&& (== net40) (>= netstandard1.3)) (&& (== net45) (>= netstandard1.3)) (== netstandard1.6)
      System.Resources.ResourceManager (>= 4.3) - restriction: || (&& (== net40) (>= netstandard1.3)) (&& (== net45) (>= netstandard1.3)) (== netstandard1.6)
      System.Runtime (>= 4.3) - restriction: || (&& (== net40) (>= netstandard1.3)) (&& (== net45) (>= netstandard1.3)) (== netstandard1.6)
      System.Runtime.Extensions (>= 4.3) - restriction: || (&& (== net40) (>= netstandard1.3)) (&& (== net45) (>= netstandard1.3)) (== netstandard1.6)
    System.ObjectModel (4.3) - restriction: || (&& (== net40) (< net20) (>= netstandard1.6)) (&& (== net45) (< net20) (>= netstandard1.6)) (== netstandard1.6)
      System.Collections (>= 4.3) - restriction: || (== net40) (&& (== net45) (< portable-net45+win8+wp8+wpa81)) (== netstandard1.6)
      System.Diagnostics.Debug (>= 4.3) - restriction: || (== net40) (&& (== net45) (< portable-net45+win8+wp8+wpa81)) (== netstandard1.6)
      System.Resources.ResourceManager (>= 4.3) - restriction: || (== net40) (&& (== net45) (< portable-net45+win8+wp8+wpa81)) (== netstandard1.6)
      System.Runtime (>= 4.3) - restriction: || (== net40) (&& (== net45) (< portable-net45+win8+wp8+wpa81)) (== netstandard1.6)
      System.Threading (>= 4.3) - restriction: || (== net40) (&& (== net45) (< portable-net45+win8+wp8+wpa81)) (== netstandard1.6)
    System.Reflection (4.3) - restriction: || (&& (== net40) (< net20) (>= netstandard1.6)) (&& (== net45) (< net20) (>= netstandard1.6)) (== netstandard1.6)
      Microsoft.NETCore.Platforms (>= 1.1) - restriction: || (== net40) (&& (== net45) (< portable-net45+win8+wp8+wpa81)) (== netstandard1.6)
      Microsoft.NETCore.Targets (>= 1.1) - restriction: || (== net40) (&& (== net45) (< portable-net45+win8+wp8+wpa81)) (== netstandard1.6)
      System.IO (>= 4.3) - restriction: || (== net40) (&& (== net45) (< portable-net45+win8+wp8+wpa81)) (== netstandard1.6)
      System.Reflection.Primitives (>= 4.3) - restriction: || (== net40) (&& (== net45) (< portable-net45+win8+wp8+wpa81)) (== netstandard1.6)
      System.Runtime (>= 4.3) - restriction: || (== net40) (&& (== net45) (< portable-net45+win8+wp8+wpa81)) (== netstandard1.6)
    System.Reflection.Emit (4.3) - restriction: || (&& (== net40) (< net20) (>= netstandard1.6)) (&& (== net45) (< net20) (>= netstandard1.6)) (== netstandard1.6)
      System.IO (>= 4.3) - restriction: || (&& (== net40) (>= netstandard1.1)) (== netstandard1.6)
      System.Reflection (>= 4.3) - restriction: || (&& (== net40) (>= netstandard1.1)) (== netstandard1.6)
      System.Reflection.Emit.ILGeneration (>= 4.3) - restriction: || (&& (== net40) (>= netstandard1.1)) (== netstandard1.6)
      System.Reflection.Primitives (>= 4.3) - restriction: || (&& (== net40) (>= netstandard1.1)) (== netstandard1.6)
      System.Runtime (>= 4.3) - restriction: || (&& (== net40) (>= netstandard1.1)) (== netstandard1.6)
    System.Reflection.Emit.ILGeneration (4.3) - restriction: || (&& (== net40) (< net20) (>= netstandard1.6)) (&& (== net45) (< net20) (>= netstandard1.6)) (== netstandard1.6)
      System.Reflection (>= 4.3) - restriction: || (&& (== net40) (>= netstandard1.0)) (== netstandard1.6)
      System.Reflection.Primitives (>= 4.3) - restriction: || (&& (== net40) (>= netstandard1.0)) (== netstandard1.6)
      System.Runtime (>= 4.3) - restriction: || (&& (== net40) (>= netstandard1.0)) (== netstandard1.6)
    System.Reflection.Emit.Lightweight (4.3) - restriction: || (&& (== net40) (< net20) (>= netstandard1.6)) (&& (== net45) (< net20) (>= netstandard1.6)) (== netstandard1.6)
      System.Reflection (>= 4.3) - restriction: || (&& (== net40) (>= netstandard1.0)) (== netstandard1.6)
      System.Reflection.Emit.ILGeneration (>= 4.3) - restriction: || (&& (== net40) (>= netstandard1.0)) (== netstandard1.6)
      System.Reflection.Primitives (>= 4.3) - restriction: || (&& (== net40) (>= netstandard1.0)) (== netstandard1.6)
      System.Runtime (>= 4.3) - restriction: || (&& (== net40) (>= netstandard1.0)) (== netstandard1.6)
    System.Reflection.Extensions (4.3) - restriction: || (&& (== net40) (< net20) (>= netstandard1.6)) (&& (== net45) (< net20) (>= netstandard1.6)) (== netstandard1.6)
      Microsoft.NETCore.Platforms (>= 1.1) - restriction: || (== net40) (&& (== net45) (< portable-net45+win8+wp8+wpa81)) (== netstandard1.6)
      Microsoft.NETCore.Targets (>= 1.1) - restriction: || (== net40) (&& (== net45) (< portable-net45+win8+wp8+wpa81)) (== netstandard1.6)
      System.Reflection (>= 4.3) - restriction: || (== net40) (&& (== net45) (< portable-net45+win8+wp8+wpa81)) (== netstandard1.6)
      System.Runtime (>= 4.3) - restriction: || (== net40) (&& (== net45) (< portable-net45+win8+wp8+wpa81)) (== netstandard1.6)
    System.Reflection.Metadata (1.6) - restriction: || (&& (== net40) (< net35) (>= netstandard1.3)) (&& (== net40) (< net35) (>= netstandard1.5)) (&& (== net45) (< net35) (>= netstandard1.3)) (&& (== net45) (< net35) (>= netstandard1.5)) (== netstandard1.6)
      NETStandard.Library (>= 1.6.1) - restriction: || (&& (== net40) (>= netstandard1.1)) (== netstandard1.6)
      System.Collections.Immutable (>= 1.5) - restriction: || (&& (== net40) (>= net45)) (&& (== net40) (>= netstandard1.1)) (&& (== net40) (>= netstandard2.0)) (&& (== net40) (>= portable-net45+win8+wpa81)) (&& (== net40) (>= win8)) (&& (== net40) (>= wpa81)) (== net45) (== netstandard1.6)
    System.Reflection.Primitives (4.3) - restriction: || (&& (== net40) (< net20) (>= netstandard1.6)) (&& (== net45) (< net20) (>= netstandard1.6)) (== netstandard1.6)
      Microsoft.NETCore.Platforms (>= 1.1) - restriction: || (== net40) (&& (== net45) (< portable-net45+win8+wp8+wpa81)) (== netstandard1.6)
      Microsoft.NETCore.Targets (>= 1.1) - restriction: || (== net40) (&& (== net45) (< portable-net45+win8+wp8+wpa81)) (== netstandard1.6)
      System.Runtime (>= 4.3) - restriction: || (== net40) (&& (== net45) (< portable-net45+win8+wp8+wpa81)) (== netstandard1.6)
    System.Reflection.TypeExtensions (4.5.1) - restriction: || (&& (== net40) (< net20) (>= netstandard1.6)) (&& (== net45) (< net20) (>= netstandard1.6)) (== netstandard1.6)
      System.Reflection (>= 4.3)
      System.Resources.ResourceManager (>= 4.3)
      System.Runtime (>= 4.3)
    System.Resources.ResourceManager (4.3) - restriction: || (&& (== net40) (< net20) (>= netstandard1.6)) (&& (== net45) (< net20) (>= netstandard1.6)) (== netstandard1.6)
      Microsoft.NETCore.Platforms (>= 1.1) - restriction: || (== net40) (&& (== net45) (< portable-net45+win8+wp8+wpa81)) (== netstandard1.6)
      Microsoft.NETCore.Targets (>= 1.1) - restriction: || (== net40) (&& (== net45) (< portable-net45+win8+wp8+wpa81)) (== netstandard1.6)
      System.Globalization (>= 4.3) - restriction: || (== net40) (&& (== net45) (< portable-net45+win8+wp8+wpa81)) (== netstandard1.6)
      System.Reflection (>= 4.3) - restriction: || (== net40) (&& (== net45) (< portable-net45+win8+wp8+wpa81)) (== netstandard1.6)
      System.Runtime (>= 4.3) - restriction: || (== net40) (&& (== net45) (< portable-net45+win8+wp8+wpa81)) (== netstandard1.6)
    System.Runtime (4.3) - restriction: || (&& (== net40) (< net20) (>= netstandard1.6)) (&& (== net45) (< net20) (>= netstandard1.6)) (== netstandard1.6)
      Microsoft.NETCore.Platforms (>= 1.1) - restriction: || (== net40) (&& (== net45) (< portable-net45+win8+wp8+wpa81)) (== netstandard1.6)
      Microsoft.NETCore.Targets (>= 1.1) - restriction: || (== net40) (&& (== net45) (< portable-net45+win8+wp8+wpa81)) (== netstandard1.6)
    System.Runtime.CompilerServices.Unsafe (4.5.2) - restriction: || (&& (== net40) (< net35) (>= netstandard1.3)) (&& (== net40) (< net35) (>= netstandard1.5)) (&& (== net40) (< net35) (>= netstandard2.0)) (&& (== net40) (>= netstandard1.3) (>= win8)) (&& (== net40) (>= netstandard1.3) (>= wp8)) (&& (== net40) (>= netstandard1.3) (>= wpa81)) (&& (== net40) (>= netstandard1.5) (>= win8)) (&& (== net40) (>= netstandard1.5) (>= wp8)) (&& (== net40) (>= netstandard1.5) (>= wpa81)) (&& (== net45) (< net35) (>= netstandard1.3)) (&& (== net45) (< net35) (>= netstandard1.5)) (&& (== net45) (< net35) (>= netstandard2.0)) (&& (== net45) (< netstandard1.0) (>= netstandard1.3) (>= win8)) (&& (== net45) (< netstandard1.0) (>= netstandard1.5) (>= win8)) (&& (== net45) (>= netstandard1.3) (>= wp8)) (&& (== net45) (>= netstandard1.3) (>= wpa81)) (&& (== net45) (>= netstandard1.5) (>= wp8)) (&& (== net45) (>= netstandard1.5) (>= wpa81)) (== netstandard1.6)
      System.Runtime (>= 4.3) - restriction: || (&& (== net40) (>= netstandard1.0)) (== netstandard1.6)
    System.Runtime.Extensions (4.3) - restriction: || (&& (== net40) (< net20) (>= netstandard1.6)) (&& (== net45) (< net20) (>= netstandard1.6)) (== netstandard1.6)
      Microsoft.NETCore.Platforms (>= 1.1) - restriction: || (== net40) (&& (== net45) (< portable-net45+win8+wp8+wpa81)) (== netstandard1.6)
      Microsoft.NETCore.Targets (>= 1.1) - restriction: || (== net40) (&& (== net45) (< portable-net45+win8+wp8+wpa81)) (== netstandard1.6)
      System.Runtime (>= 4.3) - restriction: || (== net40) (&& (== net45) (< portable-net45+win8+wp8+wpa81)) (== netstandard1.6)
    System.Runtime.Handles (4.3) - restriction: || (&& (== net40) (< net35) (>= netstandard1.5)) (&& (== net45) (< net35) (>= netstandard1.5)) (== netstandard1.6)
      Microsoft.NETCore.Platforms (>= 1.1) - restriction: || (&& (== net40) (>= netstandard1.3)) (&& (== net45) (>= netstandard1.3)) (== netstandard1.6)
      Microsoft.NETCore.Targets (>= 1.1) - restriction: || (&& (== net40) (>= netstandard1.3)) (&& (== net45) (>= netstandard1.3)) (== netstandard1.6)
      System.Runtime (>= 4.3) - restriction: || (&& (== net40) (>= netstandard1.3)) (&& (== net45) (>= netstandard1.3)) (== netstandard1.6)
    System.Runtime.InteropServices (4.3) - restriction: || (&& (== net40) (< net35) (>= netstandard1.5)) (&& (== net45) (< net35) (>= netstandard1.5)) (== netstandard1.6)
      Microsoft.NETCore.Platforms (>= 1.1) - restriction: || (== net40) (&& (== net45) (>= netcoreapp1.1)) (&& (== net45) (< portable-net45+win8+wpa81)) (== netstandard1.6)
      Microsoft.NETCore.Targets (>= 1.1) - restriction: || (== net40) (&& (== net45) (>= netcoreapp1.1)) (&& (== net45) (< portable-net45+win8+wpa81)) (== netstandard1.6)
      System.Reflection (>= 4.3) - restriction: || (== net40) (&& (== net45) (>= netcoreapp1.1)) (&& (== net45) (< portable-net45+win8+wpa81)) (== netstandard1.6)
      System.Reflection.Primitives (>= 4.3) - restriction: || (== net40) (&& (== net45) (>= netcoreapp1.1)) (&& (== net45) (< portable-net45+win8+wpa81)) (== netstandard1.6)
      System.Runtime (>= 4.3) - restriction: || (== net40) (&& (== net45) (>= net462)) (&& (== net45) (>= netcoreapp1.1)) (&& (== net45) (< portable-net45+win8+wpa81)) (== netstandard1.6)
      System.Runtime.Handles (>= 4.3) - restriction: || (== net40) (&& (== net45) (>= netcoreapp1.1)) (&& (== net45) (< portable-net45+win8+wpa81)) (== netstandard1.6)
    System.Runtime.InteropServices.RuntimeInformation (4.3) - restriction: || (&& (== net40) (< net35) (>= net46)) (&& (== net40) (< net35) (>= netstandard1.3)) (&& (== net40) (< net35) (>= netstandard1.4)) (&& (== net40) (< net35) (>= netstandard1.5)) (&& (== net40) (< net35) (>= netstandard1.6)) (&& (== net40) (>= netstandard1.3) (>= win8)) (&& (== net40) (>= netstandard1.3) (>= wpa81)) (&& (== net40) (>= netstandard1.5) (>= win8)) (&& (== net40) (>= netstandard1.5) (>= wpa81)) (&& (== net40) (>= uap10.0)) (&& (== net45) (< net35) (>= net46)) (&& (== net45) (< net35) (>= netstandard1.3)) (&& (== net45) (< net35) (>= netstandard1.4)) (&& (== net45) (< net35) (>= netstandard1.5)) (&& (== net45) (< net35) (>= netstandard1.6)) (&& (== net45) (< netstandard1.0) (>= netstandard1.3) (>= win8)) (&& (== net45) (< netstandard1.0) (>= netstandard1.5) (>= win8)) (&& (== net45) (>= netstandard1.3) (>= wpa81)) (&& (== net45) (>= netstandard1.5) (>= wpa81)) (&& (== net45) (>= uap10.0)) (== netstandard1.6)
      runtime.native.System (>= 4.3) - restriction: || (&& (== net40) (>= netstandard1.1)) (== netstandard1.6)
      System.Reflection (>= 4.3) - restriction: || (== net40) (&& (== net45) (< netstandard1.1)) (== netstandard1.6)
      System.Reflection.Extensions (>= 4.3) - restriction: || (== net40) (&& (== net45) (< netstandard1.1)) (== netstandard1.6)
      System.Resources.ResourceManager (>= 4.3) - restriction: || (== net40) (&& (== net45) (< netstandard1.1)) (== netstandard1.6)
      System.Runtime (>= 4.3) - restriction: || (== net40) (&& (== net45) (< netstandard1.1)) (== netstandard1.6)
      System.Runtime.InteropServices (>= 4.3) - restriction: || (&& (== net40) (>= netstandard1.1)) (== netstandard1.6)
      System.Threading (>= 4.3) - restriction: || (== net40) (&& (== net45) (< netstandard1.1)) (== netstandard1.6)
    System.Runtime.Loader (4.3) - restriction: || (&& (== net40) (< net35) (>= netstandard1.5)) (&& (== net45) (< net35) (>= netstandard1.5)) (== netstandard1.6)
      System.IO (>= 4.3) - restriction: || (&& (== net40) (>= netstandard1.5)) (&& (== net45) (>= netstandard1.5)) (== netstandard1.6)
      System.Reflection (>= 4.3) - restriction: || (&& (== net40) (>= netstandard1.5)) (&& (== net45) (>= netstandard1.5)) (== netstandard1.6)
      System.Runtime (>= 4.3) - restriction: || (&& (== net40) (>= netstandard1.5)) (&& (== net45) (>= netstandard1.5)) (== netstandard1.6)
    System.Runtime.Numerics (4.3) - restriction: || (&& (== net40) (< net20) (>= netstandard1.6)) (&& (== net40) (< net35) (>= netstandard1.3)) (&& (== net40) (< net35) (>= netstandard1.4)) (&& (== net40) (< net35) (>= netstandard1.5)) (&& (== net40) (< net35) (>= netstandard1.6)) (&& (== net40) (>= uap10.0)) (&& (== net45) (< net20) (>= netstandard1.6)) (&& (== net45) (< net35) (>= netstandard1.3)) (&& (== net45) (< net35) (>= netstandard1.4)) (&& (== net45) (< net35) (>= netstandard1.5)) (&& (== net45) (< net35) (>= netstandard1.6)) (&& (== net45) (>= uap10.0)) (== netstandard1.6)
      System.Globalization (>= 4.3) - restriction: || (== net40) (&& (== net45) (< portable-net45+win8+wpa81)) (== netstandard1.6)
      System.Resources.ResourceManager (>= 4.3) - restriction: || (== net40) (&& (== net45) (< portable-net45+win8+wpa81)) (== netstandard1.6)
      System.Runtime (>= 4.3) - restriction: || (== net40) (&& (== net45) (< portable-net45+win8+wpa81)) (== netstandard1.6)
      System.Runtime.Extensions (>= 4.3) - restriction: || (== net40) (&& (== net45) (< portable-net45+win8+wpa81)) (== netstandard1.6)
    System.Security.Claims (4.3) - restriction: || (&& (== net40) (< net35) (>= net46)) (&& (== net40) (< net35) (>= netstandard1.3)) (&& (== net40) (< net35) (>= netstandard1.5)) (&& (== net45) (< net35) (>= net46)) (&& (== net45) (< net35) (>= netstandard1.3)) (&& (== net45) (< net35) (>= netstandard1.5)) (== netstandard1.6)
      System.Collections (>= 4.3) - restriction: || (&& (== net40) (>= netstandard1.3)) (&& (== net45) (>= netstandard1.3)) (== netstandard1.6)
      System.Globalization (>= 4.3) - restriction: || (&& (== net40) (>= netstandard1.3)) (&& (== net45) (>= netstandard1.3)) (== netstandard1.6)
      System.IO (>= 4.3) - restriction: || (&& (== net40) (>= netstandard1.3)) (&& (== net45) (>= netstandard1.3)) (== netstandard1.6)
      System.Resources.ResourceManager (>= 4.3) - restriction: || (&& (== net40) (>= netstandard1.3)) (&& (== net45) (>= netstandard1.3)) (== netstandard1.6)
      System.Runtime (>= 4.3) - restriction: || (&& (== net40) (>= netstandard1.3)) (&& (== net45) (>= netstandard1.3)) (== netstandard1.6)
      System.Runtime.Extensions (>= 4.3) - restriction: || (&& (== net40) (>= netstandard1.3)) (&& (== net45) (>= netstandard1.3)) (== netstandard1.6)
      System.Security.Principal (>= 4.3) - restriction: || (&& (== net40) (>= netstandard1.3)) (&& (== net45) (>= netstandard1.3)) (== netstandard1.6)
    System.Security.Cryptography.Algorithms (4.3.1) - restriction: || (&& (== net40) (< net35) (>= net46)) (&& (== net40) (< net35) (>= netstandard1.3)) (&& (== net40) (< net35) (>= netstandard1.4)) (&& (== net40) (< net35) (>= netstandard1.5)) (&& (== net40) (< net35) (>= netstandard1.6)) (&& (== net40) (>= uap10.0)) (&& (== net45) (< net35) (>= net46)) (&& (== net45) (< net35) (>= netstandard1.3)) (&& (== net45) (< net35) (>= netstandard1.4)) (&& (== net45) (< net35) (>= netstandard1.5)) (&& (== net45) (< net35) (>= netstandard1.6)) (&& (== net45) (>= uap10.0)) (== netstandard1.6)
      Microsoft.NETCore.Platforms (>= 1.1)
      runtime.native.System.Security.Cryptography.Apple (>= 4.3.1) - restriction: || (&& (== net40) (>= netstandard1.6)) (&& (== net45) (>= netstandard1.6)) (== netstandard1.6)
      runtime.native.System.Security.Cryptography.OpenSsl (>= 4.3.2) - restriction: || (&& (== net40) (>= netstandard1.6)) (&& (== net45) (>= netstandard1.6)) (== netstandard1.6)
      System.Collections (>= 4.3) - restriction: || (&& (== net40) (>= netstandard1.6)) (&& (== net45) (>= netstandard1.6)) (== netstandard1.6)
      System.IO (>= 4.3)
      System.Resources.ResourceManager (>= 4.3)
      System.Runtime (>= 4.3)
      System.Runtime.Extensions (>= 4.3)
      System.Runtime.Handles (>= 4.3)
      System.Runtime.InteropServices (>= 4.3)
      System.Runtime.Numerics (>= 4.3) - restriction: || (&& (== net40) (>= netstandard1.6)) (&& (== net45) (>= netstandard1.6)) (== netstandard1.6)
      System.Security.Cryptography.Encoding (>= 4.3)
      System.Security.Cryptography.Primitives (>= 4.3)
      System.Text.Encoding (>= 4.3)
    System.Security.Cryptography.Cng (4.5) - restriction: || (&& (== net40) (< net35) (>= net46)) (&& (== net40) (< net35) (>= netstandard1.3)) (&& (== net40) (< net35) (>= netstandard1.4)) (&& (== net40) (< net35) (>= netstandard1.5)) (&& (== net40) (< net35) (>= netstandard1.6)) (&& (== net40) (>= uap10.0)) (&& (== net45) (< net35) (>= net46)) (&& (== net45) (< net35) (>= netstandard1.3)) (&& (== net45) (< net35) (>= netstandard1.4)) (&& (== net45) (< net35) (>= netstandard1.5)) (&& (== net45) (< net35) (>= netstandard1.6)) (&& (== net45) (>= uap10.0)) (== netstandard1.6)
      System.IO (>= 4.3) - restriction: || (&& (== net40) (>= netstandard1.3)) (&& (== net40) (>= netstandard1.4)) (&& (== net40) (>= netstandard1.6)) (&& (== net45) (>= netstandard1.3)) (&& (== net45) (>= netstandard1.4)) (&& (== net45) (>= netstandard1.6)) (== netstandard1.6)
      System.Resources.ResourceManager (>= 4.3) - restriction: || (&& (== net40) (>= netstandard1.3)) (&& (== net40) (>= netstandard1.4)) (&& (== net40) (>= netstandard1.6)) (&& (== net45) (>= netstandard1.3)) (&& (== net45) (>= netstandard1.4)) (&& (== net45) (>= netstandard1.6)) (== netstandard1.6)
      System.Runtime (>= 4.3) - restriction: || (&& (== net40) (>= netstandard1.3)) (&& (== net40) (>= netstandard1.4)) (&& (== net40) (>= netstandard1.6)) (&& (== net45) (>= netstandard1.3)) (&& (== net45) (>= netstandard1.4)) (&& (== net45) (>= netstandard1.6)) (== netstandard1.6)
      System.Runtime.Extensions (>= 4.3) - restriction: || (&& (== net40) (>= netstandard1.4)) (&& (== net40) (>= netstandard1.6)) (&& (== net45) (>= netstandard1.4)) (&& (== net45) (>= netstandard1.6)) (== netstandard1.6)
      System.Runtime.Handles (>= 4.3) - restriction: || (&& (== net40) (>= netstandard1.3)) (&& (== net40) (>= netstandard1.4)) (&& (== net40) (>= netstandard1.6)) (&& (== net45) (>= netstandard1.3)) (&& (== net45) (>= netstandard1.4)) (&& (== net45) (>= netstandard1.6)) (== netstandard1.6)
      System.Runtime.InteropServices (>= 4.3) - restriction: || (&& (== net40) (>= netstandard1.3)) (&& (== net40) (>= netstandard1.4)) (&& (== net40) (>= netstandard1.6)) (&& (== net45) (>= netstandard1.3)) (&& (== net45) (>= netstandard1.4)) (&& (== net45) (>= netstandard1.6)) (== netstandard1.6)
      System.Security.Cryptography.Algorithms (>= 4.3) - restriction: || (&& (== net40) (>= net46)) (&& (== net40) (>= netstandard1.3)) (&& (== net40) (>= netstandard1.4)) (&& (== net40) (>= netstandard1.6)) (&& (== net45) (>= net46)) (&& (== net45) (>= netstandard1.3)) (&& (== net45) (>= netstandard1.4)) (&& (== net45) (>= netstandard1.6)) (== netstandard1.6)
      System.Security.Cryptography.Encoding (>= 4.3) - restriction: || (&& (== net40) (>= netstandard1.4)) (&& (== net40) (>= netstandard1.6)) (&& (== net45) (>= netstandard1.4)) (&& (== net45) (>= netstandard1.6)) (== netstandard1.6)
      System.Security.Cryptography.Primitives (>= 4.3) - restriction: || (&& (== net40) (>= net46)) (&& (== net40) (>= netstandard1.3)) (&& (== net40) (>= netstandard1.4)) (&& (== net40) (>= netstandard1.6)) (&& (== net45) (>= net46)) (&& (== net45) (>= netstandard1.3)) (&& (== net45) (>= netstandard1.4)) (&& (== net45) (>= netstandard1.6)) (== netstandard1.6)
      System.Text.Encoding (>= 4.3) - restriction: || (&& (== net40) (>= netstandard1.4)) (&& (== net40) (>= netstandard1.6)) (&& (== net45) (>= netstandard1.4)) (&& (== net45) (>= netstandard1.6)) (== netstandard1.6)
    System.Security.Cryptography.Csp (4.3) - restriction: || (&& (== net40) (< net35) (>= netstandard1.6)) (&& (== net40) (>= netstandard1.6) (>= uap10.0)) (&& (== net45) (< net35) (>= netstandard1.6)) (&& (== net45) (>= netstandard1.6) (>= uap10.0)) (== netstandard1.6)
      Microsoft.NETCore.Platforms (>= 1.1) - restriction: || (&& (== net40) (>= netstandard1.3)) (&& (== net45) (>= netstandard1.3)) (== netstandard1.6)
      System.IO (>= 4.3) - restriction: || (&& (== net40) (>= netstandard1.3)) (&& (== net45) (>= netstandard1.3)) (== netstandard1.6)
      System.Reflection (>= 4.3) - restriction: || (&& (== net40) (>= netstandard1.3)) (&& (== net45) (>= netstandard1.3)) (== netstandard1.6)
      System.Resources.ResourceManager (>= 4.3) - restriction: || (&& (== net40) (>= netstandard1.3)) (&& (== net45) (>= netstandard1.3)) (== netstandard1.6)
      System.Runtime (>= 4.3) - restriction: || (&& (== net40) (>= netstandard1.3)) (&& (== net45) (>= netstandard1.3)) (== netstandard1.6)
      System.Runtime.Extensions (>= 4.3) - restriction: || (&& (== net40) (>= netstandard1.3)) (&& (== net45) (>= netstandard1.3)) (== netstandard1.6)
      System.Runtime.Handles (>= 4.3) - restriction: || (&& (== net40) (>= netstandard1.3)) (&& (== net45) (>= netstandard1.3)) (== netstandard1.6)
      System.Runtime.InteropServices (>= 4.3) - restriction: || (&& (== net40) (>= netstandard1.3)) (&& (== net45) (>= netstandard1.3)) (== netstandard1.6)
      System.Security.Cryptography.Algorithms (>= 4.3) - restriction: || (&& (== net40) (>= net46)) (&& (== net40) (>= netstandard1.3)) (&& (== net45) (>= net46)) (&& (== net45) (>= netstandard1.3)) (== netstandard1.6)
      System.Security.Cryptography.Encoding (>= 4.3) - restriction: || (&& (== net40) (>= netstandard1.3)) (&& (== net45) (>= netstandard1.3)) (== netstandard1.6)
      System.Security.Cryptography.Primitives (>= 4.3) - restriction: || (&& (== net40) (>= net46)) (&& (== net40) (>= netstandard1.3)) (&& (== net45) (>= net46)) (&& (== net45) (>= netstandard1.3)) (== netstandard1.6)
      System.Text.Encoding (>= 4.3) - restriction: || (&& (== net40) (>= netstandard1.3)) (&& (== net45) (>= netstandard1.3)) (== netstandard1.6)
      System.Threading (>= 4.3) - restriction: || (&& (== net40) (>= netstandard1.3)) (&& (== net45) (>= netstandard1.3)) (== netstandard1.6)
    System.Security.Cryptography.Encoding (4.3) - restriction: || (&& (== net40) (< net35) (>= net46)) (&& (== net40) (< net35) (>= netstandard1.3)) (&& (== net40) (< net35) (>= netstandard1.4)) (&& (== net40) (< net35) (>= netstandard1.5)) (&& (== net40) (< net35) (>= netstandard1.6)) (&& (== net40) (>= uap10.0)) (&& (== net45) (< net35) (>= net46)) (&& (== net45) (< net35) (>= netstandard1.3)) (&& (== net45) (< net35) (>= netstandard1.4)) (&& (== net45) (< net35) (>= netstandard1.5)) (&& (== net45) (< net35) (>= netstandard1.6)) (&& (== net45) (>= uap10.0)) (== netstandard1.6)
      Microsoft.NETCore.Platforms (>= 1.1) - restriction: || (&& (== net40) (>= netstandard1.3)) (&& (== net45) (>= netstandard1.3)) (== netstandard1.6)
      runtime.native.System.Security.Cryptography.OpenSsl (>= 4.3) - restriction: || (&& (== net40) (>= netstandard1.3)) (&& (== net45) (>= netstandard1.3)) (== netstandard1.6)
      System.Collections (>= 4.3) - restriction: || (&& (== net40) (>= netstandard1.3)) (&& (== net45) (>= netstandard1.3)) (== netstandard1.6)
      System.Collections.Concurrent (>= 4.3) - restriction: || (&& (== net40) (>= netstandard1.3)) (&& (== net45) (>= netstandard1.3)) (== netstandard1.6)
      System.Linq (>= 4.3) - restriction: || (&& (== net40) (>= netstandard1.3)) (&& (== net45) (>= netstandard1.3)) (== netstandard1.6)
      System.Resources.ResourceManager (>= 4.3) - restriction: || (&& (== net40) (>= netstandard1.3)) (&& (== net45) (>= netstandard1.3)) (== netstandard1.6)
      System.Runtime (>= 4.3) - restriction: || (&& (== net40) (>= netstandard1.3)) (&& (== net45) (>= netstandard1.3)) (== netstandard1.6)
      System.Runtime.Extensions (>= 4.3) - restriction: || (&& (== net40) (>= netstandard1.3)) (&& (== net45) (>= netstandard1.3)) (== netstandard1.6)
      System.Runtime.Handles (>= 4.3) - restriction: || (&& (== net40) (>= netstandard1.3)) (&& (== net45) (>= netstandard1.3)) (== netstandard1.6)
      System.Runtime.InteropServices (>= 4.3) - restriction: || (&& (== net40) (>= netstandard1.3)) (&& (== net45) (>= netstandard1.3)) (== netstandard1.6)
      System.Security.Cryptography.Primitives (>= 4.3) - restriction: || (&& (== net40) (>= netstandard1.3)) (&& (== net45) (>= netstandard1.3)) (== netstandard1.6)
      System.Text.Encoding (>= 4.3) - restriction: || (&& (== net40) (>= netstandard1.3)) (&& (== net45) (>= netstandard1.3)) (== netstandard1.6)
    System.Security.Cryptography.OpenSsl (4.5) - restriction: || (&& (== net40) (< net35) (>= netstandard1.6)) (&& (== net40) (>= netstandard1.6) (>= uap10.0)) (&& (== net45) (< net35) (>= netstandard1.6)) (&& (== net45) (>= netstandard1.6) (>= uap10.0)) (== netstandard1.6)
      System.Collections (>= 4.3) - restriction: || (&& (== net40) (>= netstandard1.6)) (&& (== net45) (>= netstandard1.6)) (== netstandard1.6)
      System.IO (>= 4.3) - restriction: || (&& (== net40) (>= netstandard1.6)) (&& (== net45) (>= netstandard1.6)) (== netstandard1.6)
      System.Resources.ResourceManager (>= 4.3) - restriction: || (&& (== net40) (>= netstandard1.6)) (&& (== net45) (>= netstandard1.6)) (== netstandard1.6)
      System.Runtime (>= 4.3) - restriction: || (&& (== net40) (>= netstandard1.6)) (&& (== net45) (>= netstandard1.6)) (== netstandard1.6)
      System.Runtime.Extensions (>= 4.3) - restriction: || (&& (== net40) (>= netstandard1.6)) (&& (== net45) (>= netstandard1.6)) (== netstandard1.6)
      System.Runtime.Handles (>= 4.3) - restriction: || (&& (== net40) (>= netstandard1.6)) (&& (== net45) (>= netstandard1.6)) (== netstandard1.6)
      System.Runtime.InteropServices (>= 4.3) - restriction: || (&& (== net40) (>= netstandard1.6)) (&& (== net45) (>= netstandard1.6)) (== netstandard1.6)
      System.Runtime.Numerics (>= 4.3) - restriction: || (&& (== net40) (>= netstandard1.6)) (&& (== net45) (>= netstandard1.6)) (== netstandard1.6)
      System.Security.Cryptography.Algorithms (>= 4.3) - restriction: || (&& (== net40) (>= netstandard1.6)) (&& (== net45) (>= netstandard1.6)) (== netstandard1.6)
      System.Security.Cryptography.Encoding (>= 4.3) - restriction: || (&& (== net40) (>= netstandard1.6)) (&& (== net45) (>= netstandard1.6)) (== netstandard1.6)
      System.Security.Cryptography.Primitives (>= 4.3) - restriction: || (&& (== net40) (>= netstandard1.6)) (&& (== net45) (>= netstandard1.6)) (== netstandard1.6)
      System.Text.Encoding (>= 4.3) - restriction: || (&& (== net40) (>= netstandard1.6)) (&& (== net45) (>= netstandard1.6)) (== netstandard1.6)
    System.Security.Cryptography.Primitives (4.3) - restriction: || (&& (== net40) (< net35) (>= net46)) (&& (== net40) (< net35) (>= netstandard1.3)) (&& (== net40) (< net35) (>= netstandard1.4)) (&& (== net40) (< net35) (>= netstandard1.5)) (&& (== net40) (< net35) (>= netstandard1.6)) (&& (== net40) (>= uap10.0)) (&& (== net45) (< net35) (>= net46)) (&& (== net45) (< net35) (>= netstandard1.3)) (&& (== net45) (< net35) (>= netstandard1.4)) (&& (== net45) (< net35) (>= netstandard1.5)) (&& (== net45) (< net35) (>= netstandard1.6)) (&& (== net45) (>= uap10.0)) (== netstandard1.6)
      System.Diagnostics.Debug (>= 4.3) - restriction: || (&& (== net40) (>= netstandard1.3)) (&& (== net45) (>= netstandard1.3)) (== netstandard1.6)
      System.Globalization (>= 4.3) - restriction: || (&& (== net40) (>= netstandard1.3)) (&& (== net45) (>= netstandard1.3)) (== netstandard1.6)
      System.IO (>= 4.3) - restriction: || (&& (== net40) (>= netstandard1.3)) (&& (== net45) (>= netstandard1.3)) (== netstandard1.6)
      System.Resources.ResourceManager (>= 4.3) - restriction: || (&& (== net40) (>= netstandard1.3)) (&& (== net45) (>= netstandard1.3)) (== netstandard1.6)
      System.Runtime (>= 4.3) - restriction: || (&& (== net40) (>= netstandard1.3)) (&& (== net45) (>= netstandard1.3)) (== netstandard1.6)
      System.Threading (>= 4.3) - restriction: || (&& (== net40) (>= netstandard1.3)) (&& (== net45) (>= netstandard1.3)) (== netstandard1.6)
      System.Threading.Tasks (>= 4.3) - restriction: || (&& (== net40) (>= netstandard1.3)) (&& (== net45) (>= netstandard1.3)) (== netstandard1.6)
    System.Security.Cryptography.X509Certificates (4.3.2) - restriction: || (&& (== net40) (< net35) (>= net46)) (&& (== net40) (< net35) (>= netstandard1.3)) (&& (== net40) (< net35) (>= netstandard1.4)) (&& (== net40) (< net35) (>= netstandard1.5)) (&& (== net40) (< net35) (>= netstandard1.6)) (&& (== net40) (>= uap10.0)) (&& (== net45) (< net35) (>= net46)) (&& (== net45) (< net35) (>= netstandard1.3)) (&& (== net45) (< net35) (>= netstandard1.4)) (&& (== net45) (< net35) (>= netstandard1.5)) (&& (== net45) (< net35) (>= netstandard1.6)) (&& (== net45) (>= uap10.0)) (== netstandard1.6)
      Microsoft.NETCore.Platforms (>= 1.1)
      runtime.native.System (>= 4.3) - restriction: || (&& (== net40) (>= netstandard1.6)) (&& (== net45) (>= netstandard1.6)) (== netstandard1.6)
      runtime.native.System.Net.Http (>= 4.3) - restriction: || (&& (== net40) (>= netstandard1.6)) (&& (== net45) (>= netstandard1.6)) (== netstandard1.6)
      runtime.native.System.Security.Cryptography.OpenSsl (>= 4.3.2) - restriction: || (&& (== net40) (>= netstandard1.6)) (&& (== net45) (>= netstandard1.6)) (== netstandard1.6)
      System.Collections (>= 4.3)
      System.Diagnostics.Debug (>= 4.3) - restriction: || (&& (== net40) (>= netstandard1.6)) (&& (== net45) (>= netstandard1.6)) (== netstandard1.6)
      System.Globalization (>= 4.3)
      System.Globalization.Calendars (>= 4.3)
      System.IO (>= 4.3)
      System.IO.FileSystem (>= 4.3)
      System.IO.FileSystem.Primitives (>= 4.3) - restriction: || (&& (== net40) (>= netstandard1.6)) (&& (== net45) (>= netstandard1.6)) (== netstandard1.6)
      System.Resources.ResourceManager (>= 4.3)
      System.Runtime (>= 4.3)
      System.Runtime.Extensions (>= 4.3)
      System.Runtime.Handles (>= 4.3)
      System.Runtime.InteropServices (>= 4.3)
      System.Runtime.Numerics (>= 4.3)
      System.Security.Cryptography.Algorithms (>= 4.3)
      System.Security.Cryptography.Cng (>= 4.3)
      System.Security.Cryptography.Csp (>= 4.3) - restriction: || (&& (== net40) (>= netstandard1.6)) (&& (== net45) (>= netstandard1.6)) (== netstandard1.6)
      System.Security.Cryptography.Encoding (>= 4.3)
      System.Security.Cryptography.OpenSsl (>= 4.3) - restriction: || (&& (== net40) (>= netstandard1.6)) (&& (== net45) (>= netstandard1.6)) (== netstandard1.6)
      System.Security.Cryptography.Primitives (>= 4.3)
      System.Text.Encoding (>= 4.3)
      System.Threading (>= 4.3)
    System.Security.Principal (4.3) - restriction: || (&& (== net40) (< net35) (>= netstandard1.3)) (&& (== net40) (< net35) (>= netstandard1.5)) (&& (== net45) (< net35) (>= netstandard1.3)) (&& (== net45) (< net35) (>= netstandard1.5)) (== netstandard1.6)
      System.Runtime (>= 4.3) - restriction: || (== net40) (&& (== net45) (< portable-net45+win8+wp8+wpa81)) (== netstandard1.6)
    System.Security.Principal.Windows (4.5.1) - restriction: || (&& (== net40) (< net35) (>= netstandard1.3)) (&& (== net40) (< net35) (>= netstandard1.5)) (&& (== net45) (< net35) (>= netstandard1.3)) (&& (== net45) (< net35) (>= netstandard1.5)) (== netstandard1.6)
      Microsoft.Win32.Primitives (>= 4.3) - restriction: || (&& (== net40) (>= netstandard1.3)) (&& (== net45) (>= netstandard1.3)) (== netstandard1.6)
      System.Collections (>= 4.3) - restriction: || (&& (== net40) (>= netstandard1.3)) (&& (== net45) (>= netstandard1.3)) (== netstandard1.6)
      System.Diagnostics.Debug (>= 4.3) - restriction: || (&& (== net40) (>= netstandard1.3)) (&& (== net45) (>= netstandard1.3)) (== netstandard1.6)
      System.Reflection (>= 4.3) - restriction: || (&& (== net40) (>= netstandard1.3)) (&& (== net45) (>= netstandard1.3)) (== netstandard1.6)
      System.Resources.ResourceManager (>= 4.3) - restriction: || (&& (== net40) (>= netstandard1.3)) (&& (== net45) (>= netstandard1.3)) (== netstandard1.6)
      System.Runtime (>= 4.3) - restriction: || (&& (== net40) (>= netstandard1.3)) (&& (== net45) (>= netstandard1.3)) (== netstandard1.6)
      System.Runtime.Extensions (>= 4.3) - restriction: || (&& (== net40) (>= netstandard1.3)) (&& (== net45) (>= netstandard1.3)) (== netstandard1.6)
      System.Runtime.Handles (>= 4.3) - restriction: || (&& (== net40) (>= netstandard1.3)) (&& (== net45) (>= netstandard1.3)) (== netstandard1.6)
      System.Runtime.InteropServices (>= 4.3) - restriction: || (&& (== net40) (>= netstandard1.3)) (&& (== net45) (>= netstandard1.3)) (== netstandard1.6)
      System.Security.Claims (>= 4.3) - restriction: || (&& (== net40) (>= net46)) (&& (== net40) (>= netstandard1.3)) (&& (== net45) (>= net46)) (&& (== net45) (>= netstandard1.3)) (== netstandard1.6)
      System.Security.Principal (>= 4.3) - restriction: || (&& (== net40) (>= netstandard1.3)) (&& (== net45) (>= netstandard1.3)) (== netstandard1.6)
      System.Text.Encoding (>= 4.3) - restriction: || (&& (== net40) (>= netstandard1.3)) (&& (== net45) (>= netstandard1.3)) (== netstandard1.6)
      System.Threading (>= 4.3) - restriction: || (&& (== net40) (>= netstandard1.3)) (&& (== net45) (>= netstandard1.3)) (== netstandard1.6)
    System.Text.Encoding (4.3) - restriction: || (&& (== net40) (< net20) (>= netstandard1.6)) (&& (== net45) (< net20) (>= netstandard1.6)) (== netstandard1.6)
      Microsoft.NETCore.Platforms (>= 1.1) - restriction: || (== net40) (&& (== net45) (< portable-net45+win8+wp8+wpa81)) (== netstandard1.6)
      Microsoft.NETCore.Targets (>= 1.1) - restriction: || (== net40) (&& (== net45) (< portable-net45+win8+wp8+wpa81)) (== netstandard1.6)
      System.Runtime (>= 4.3) - restriction: || (== net40) (&& (== net45) (< portable-net45+win8+wp8+wpa81)) (== netstandard1.6)
    System.Text.Encoding.Extensions (4.3) - restriction: || (&& (== net40) (< net35) (>= netstandard1.5)) (&& (== net45) (< net35) (>= netstandard1.5)) (== netstandard1.6)
      Microsoft.NETCore.Platforms (>= 1.1) - restriction: || (== net40) (&& (== net45) (< portable-net45+win8+wp8+wpa81)) (== netstandard1.6)
      Microsoft.NETCore.Targets (>= 1.1) - restriction: || (== net40) (&& (== net45) (< portable-net45+win8+wp8+wpa81)) (== netstandard1.6)
      System.Runtime (>= 4.3) - restriction: || (== net40) (&& (== net45) (< portable-net45+win8+wp8+wpa81)) (== netstandard1.6)
      System.Text.Encoding (>= 4.3) - restriction: || (== net40) (&& (== net45) (< portable-net45+win8+wp8+wpa81)) (== netstandard1.6)
    System.Text.RegularExpressions (4.3) - restriction: || (&& (== net40) (< net20) (>= netstandard1.6)) (&& (== net40) (< net35) (>= netstandard1.3)) (&& (== net40) (< net35) (>= netstandard1.5)) (&& (== net45) (< net20) (>= netstandard1.6)) (&& (== net45) (< net35) (>= netstandard1.3)) (&& (== net45) (< net35) (>= netstandard1.5)) (== netstandard1.6)
      System.Collections (>= 4.3) - restriction: || (== net40) (&& (== net45) (< portable-net45+win8+wp8+wpa81)) (== netstandard1.6)
      System.Globalization (>= 4.3) - restriction: || (== net40) (&& (== net45) (< portable-net45+win8+wp8+wpa81)) (== netstandard1.6)
      System.Resources.ResourceManager (>= 4.3) - restriction: || (== net40) (&& (== net45) (< portable-net45+win8+wp8+wpa81)) (== netstandard1.6)
      System.Runtime (>= 4.3) - restriction: || (== net40) (&& (== net45) (>= netcoreapp1.1)) (&& (== net45) (< portable-net45+win8+wp8+wpa81)) (== netstandard1.6)
      System.Runtime.Extensions (>= 4.3) - restriction: || (== net40) (&& (== net45) (< portable-net45+win8+wp8+wpa81)) (== netstandard1.6)
      System.Threading (>= 4.3) - restriction: || (== net40) (&& (== net45) (< portable-net45+win8+wp8+wpa81)) (== netstandard1.6)
    System.Threading (4.3) - restriction: || (&& (== net40) (< net20) (>= netstandard1.6)) (&& (== net45) (< net20) (>= netstandard1.6)) (== netstandard1.6)
      System.Runtime (>= 4.3) - restriction: || (== net40) (&& (== net45) (< portable-net45+win8+wp8+wpa81)) (== netstandard1.6)
      System.Threading.Tasks (>= 4.3) - restriction: || (== net40) (&& (== net45) (< portable-net45+win8+wp8+wpa81)) (== netstandard1.6)
    System.Threading.Overlapped (4.3) - restriction: || (&& (== net40) (< net35) (>= netstandard1.5)) (&& (== net45) (< net35) (>= netstandard1.5)) (== netstandard1.6)
      Microsoft.NETCore.Platforms (>= 1.1)
      System.Resources.ResourceManager (>= 4.3)
      System.Runtime (>= 4.3)
      System.Runtime.Handles (>= 4.3)
    System.Threading.Tasks (4.3) - restriction: || (&& (== net40) (< net20) (>= netstandard1.6)) (&& (== net45) (< net20) (>= netstandard1.6)) (== netstandard1.6)
      Microsoft.NETCore.Platforms (>= 1.1) - restriction: || (== net40) (&& (== net45) (< portable-net45+win8+wp8+wpa81)) (== netstandard1.6)
      Microsoft.NETCore.Targets (>= 1.1) - restriction: || (== net40) (&& (== net45) (< portable-net45+win8+wp8+wpa81)) (== netstandard1.6)
      System.Runtime (>= 4.3) - restriction: || (== net40) (&& (== net45) (< portable-net45+win8+wp8+wpa81)) (== netstandard1.6)
    System.Threading.Tasks.Extensions (4.5.1) - restriction: || (&& (== net40) (< net35) (>= netstandard1.3)) (&& (== net40) (< net35) (>= netstandard1.5)) (&& (== net45) (< net35) (>= netstandard1.3)) (&& (== net45) (< net35) (>= netstandard1.5)) (== netstandard1.6)
      System.Collections (>= 4.3) - restriction: || (&& (== net40) (>= netstandard1.0)) (== netstandard1.6)
      System.Runtime (>= 4.3) - restriction: || (&& (== net40) (>= netstandard1.0)) (== netstandard1.6)
      System.Runtime.CompilerServices.Unsafe (>= 4.5) - restriction: || (&& (== net40) (>= net45)) (&& (== net40) (>= netstandard1.0)) (&& (== net40) (>= netstandard2.0)) (&& (== net40) (>= portable-net45+win8+wp8+wpa81)) (&& (== net40) (>= win8)) (&& (== net40) (>= wp8)) (&& (== net40) (>= wpa81)) (== net45) (== netstandard1.6)
      System.Threading.Tasks (>= 4.3) - restriction: || (&& (== net40) (>= netstandard1.0)) (== netstandard1.6)
    System.Threading.Tasks.Parallel (4.3) - restriction: || (&& (== net40) (< net20) (>= netstandard1.6)) (&& (== net45) (< net20) (>= netstandard1.6)) (== netstandard1.6)
      System.Collections.Concurrent (>= 4.3) - restriction: || (== net40) (&& (== net45) (< portable-net45+win8+wpa81)) (== netstandard1.6)
      System.Diagnostics.Debug (>= 4.3) - restriction: || (== net40) (&& (== net45) (< portable-net45+win8+wpa81)) (== netstandard1.6)
      System.Diagnostics.Tracing (>= 4.3) - restriction: || (== net40) (&& (== net45) (< portable-net45+win8+wpa81)) (== netstandard1.6)
      System.Resources.ResourceManager (>= 4.3) - restriction: || (== net40) (&& (== net45) (< portable-net45+win8+wpa81)) (== netstandard1.6)
      System.Runtime (>= 4.3) - restriction: || (== net40) (&& (== net45) (< portable-net45+win8+wpa81)) (== netstandard1.6)
      System.Runtime.Extensions (>= 4.3) - restriction: || (== net40) (&& (== net45) (< portable-net45+win8+wpa81)) (== netstandard1.6)
      System.Threading (>= 4.3) - restriction: || (== net40) (&& (== net45) (< portable-net45+win8+wpa81)) (== netstandard1.6)
      System.Threading.Tasks (>= 4.3) - restriction: || (== net40) (&& (== net45) (< portable-net45+win8+wpa81)) (== netstandard1.6)
    System.Threading.Thread (4.3) - restriction: || (&& (== net40) (< net35) (>= netstandard1.5)) (&& (== net45) (< net35) (>= netstandard1.5)) (== netstandard1.6)
      System.Runtime (>= 4.3) - restriction: || (&& (== net40) (>= netstandard1.3)) (&& (== net45) (>= netstandard1.3)) (== netstandard1.6)
    System.Threading.ThreadPool (4.3) - restriction: || (&& (== net40) (< net35) (>= netstandard1.5)) (&& (== net45) (< net35) (>= netstandard1.5)) (== netstandard1.6)
      System.Runtime (>= 4.3) - restriction: || (&& (== net40) (>= netstandard1.3)) (&& (== net45) (>= netstandard1.3)) (== netstandard1.6)
      System.Runtime.Handles (>= 4.3) - restriction: || (&& (== net40) (>= netstandard1.3)) (&& (== net45) (>= netstandard1.3)) (== netstandard1.6)
    System.Threading.Timer (4.3) - restriction: || (&& (== net40) (< net20) (>= netstandard1.6)) (&& (== net40) (< net35) (>= netstandard1.3)) (&& (== net40) (< net35) (>= netstandard1.4)) (&& (== net40) (< net35) (>= netstandard1.5)) (&& (== net40) (< net35) (>= netstandard1.6)) (&& (== net40) (>= uap10.0)) (&& (== net45) (< net20) (>= netstandard1.6)) (&& (== net45) (< net35) (>= netstandard1.3)) (&& (== net45) (< net35) (>= netstandard1.4)) (&& (== net45) (< net35) (>= netstandard1.5)) (&& (== net45) (< net35) (>= netstandard1.6)) (&& (== net45) (>= uap10.0)) (== netstandard1.6)
      Microsoft.NETCore.Platforms (>= 1.1)
      Microsoft.NETCore.Targets (>= 1.1)
      System.Runtime (>= 4.3)
    System.Xml.ReaderWriter (4.3.1) - restriction: || (&& (== net40) (< net35) (>= netstandard1.3)) (&& (== net40) (< net35) (>= netstandard1.5)) (&& (== net45) (< net35) (>= netstandard1.3)) (&& (== net45) (< net35) (>= netstandard1.5)) (== netstandard1.6)
      System.Collections (>= 4.3) - restriction: || (== net40) (&& (== net45) (< portable-net45+win8+wp8+wpa81)) (== netstandard1.6)
      System.Diagnostics.Debug (>= 4.3) - restriction: || (== net40) (&& (== net45) (< portable-net45+win8+wp8+wpa81)) (== netstandard1.6)
      System.Globalization (>= 4.3) - restriction: || (== net40) (&& (== net45) (< portable-net45+win8+wp8+wpa81)) (== netstandard1.6)
      System.IO (>= 4.3) - restriction: || (== net40) (&& (== net45) (< portable-net45+win8+wp8+wpa81)) (== netstandard1.6)
      System.IO.FileSystem (>= 4.3) - restriction: || (== net40) (&& (== net45) (< portable-net45+win8+wp8+wpa81)) (== netstandard1.6)
      System.IO.FileSystem.Primitives (>= 4.3) - restriction: || (== net40) (&& (== net45) (< portable-net45+win8+wp8+wpa81)) (== netstandard1.6)
      System.Resources.ResourceManager (>= 4.3) - restriction: || (== net40) (&& (== net45) (< portable-net45+win8+wp8+wpa81)) (== netstandard1.6)
      System.Runtime (>= 4.3) - restriction: || (== net40) (&& (== net45) (< portable-net45+win8+wp8+wpa81)) (== netstandard1.6)
      System.Runtime.Extensions (>= 4.3) - restriction: || (== net40) (&& (== net45) (< portable-net45+win8+wp8+wpa81)) (== netstandard1.6)
      System.Runtime.InteropServices (>= 4.3) - restriction: || (== net40) (&& (== net45) (< portable-net45+win8+wp8+wpa81)) (== netstandard1.6)
      System.Text.Encoding (>= 4.3) - restriction: || (== net40) (&& (== net45) (< portable-net45+win8+wp8+wpa81)) (== netstandard1.6)
      System.Text.Encoding.Extensions (>= 4.3) - restriction: || (== net40) (&& (== net45) (< portable-net45+win8+wp8+wpa81)) (== netstandard1.6)
      System.Text.RegularExpressions (>= 4.3) - restriction: || (== net40) (&& (== net45) (< portable-net45+win8+wp8+wpa81)) (== netstandard1.6)
      System.Threading.Tasks (>= 4.3) - restriction: || (== net40) (&& (== net45) (< portable-net45+win8+wp8+wpa81)) (== netstandard1.6)
      System.Threading.Tasks.Extensions (>= 4.3) - restriction: || (== net40) (&& (== net45) (< portable-net45+win8+wp8+wpa81)) (== netstandard1.6)
    System.Xml.XDocument (4.3) - restriction: || (&& (== net40) (< net35) (>= netstandard1.3)) (&& (== net40) (< net35) (>= netstandard1.4)) (&& (== net40) (< net35) (>= netstandard1.5)) (&& (== net40) (< net35) (>= netstandard1.6)) (&& (== net40) (>= uap10.0)) (&& (== net45) (< net35) (>= netstandard1.3)) (&& (== net45) (< net35) (>= netstandard1.4)) (&& (== net45) (< net35) (>= netstandard1.5)) (&& (== net45) (< net35) (>= netstandard1.6)) (&& (== net45) (>= uap10.0)) (== netstandard1.6)
      System.Collections (>= 4.3) - restriction: || (== net40) (&& (== net45) (< portable-net45+win8+wp8+wpa81)) (== netstandard1.6)
      System.Diagnostics.Debug (>= 4.3) - restriction: || (== net40) (&& (== net45) (< portable-net45+win8+wp8+wpa81)) (== netstandard1.6)
      System.Diagnostics.Tools (>= 4.3) - restriction: || (== net40) (&& (== net45) (< portable-net45+win8+wp8+wpa81)) (== netstandard1.6)
      System.Globalization (>= 4.3) - restriction: || (== net40) (&& (== net45) (< portable-net45+win8+wp8+wpa81)) (== netstandard1.6)
      System.IO (>= 4.3) - restriction: || (== net40) (&& (== net45) (< portable-net45+win8+wp8+wpa81)) (== netstandard1.6)
      System.Reflection (>= 4.3) - restriction: || (== net40) (&& (== net45) (< portable-net45+win8+wp8+wpa81)) (== netstandard1.6)
      System.Resources.ResourceManager (>= 4.3) - restriction: || (== net40) (&& (== net45) (< portable-net45+win8+wp8+wpa81)) (== netstandard1.6)
      System.Runtime (>= 4.3) - restriction: || (== net40) (&& (== net45) (< portable-net45+win8+wp8+wpa81)) (== netstandard1.6)
      System.Runtime.Extensions (>= 4.3) - restriction: || (== net40) (&& (== net45) (< portable-net45+win8+wp8+wpa81)) (== netstandard1.6)
      System.Text.Encoding (>= 4.3) - restriction: || (== net40) (&& (== net45) (< portable-net45+win8+wp8+wpa81)) (== netstandard1.6)
      System.Threading (>= 4.3) - restriction: || (== net40) (&& (== net45) (< portable-net45+win8+wp8+wpa81)) (== netstandard1.6)
      System.Xml.ReaderWriter (>= 4.3) - restriction: || (== net40) (&& (== net45) (< portable-net45+win8+wp8+wpa81)) (== netstandard1.6)
    System.Xml.XmlDocument (4.3) - restriction: || (&& (== net40) (< net35) (>= netstandard1.3)) (&& (== net40) (< net35) (>= netstandard1.5)) (&& (== net45) (< net35) (>= netstandard1.3)) (&& (== net45) (< net35) (>= netstandard1.5)) (== netstandard1.6)
      System.Collections (>= 4.3) - restriction: || (&& (== net40) (>= netstandard1.3)) (&& (== net45) (>= netstandard1.3)) (== netstandard1.6)
      System.Diagnostics.Debug (>= 4.3) - restriction: || (&& (== net40) (>= netstandard1.3)) (&& (== net45) (>= netstandard1.3)) (== netstandard1.6)
      System.Globalization (>= 4.3) - restriction: || (&& (== net40) (>= netstandard1.3)) (&& (== net45) (>= netstandard1.3)) (== netstandard1.6)
      System.IO (>= 4.3) - restriction: || (&& (== net40) (>= netstandard1.3)) (&& (== net45) (>= netstandard1.3)) (== netstandard1.6)
      System.Resources.ResourceManager (>= 4.3) - restriction: || (&& (== net40) (>= netstandard1.3)) (&& (== net45) (>= netstandard1.3)) (== netstandard1.6)
      System.Runtime (>= 4.3) - restriction: || (&& (== net40) (>= netstandard1.3)) (&& (== net45) (>= netstandard1.3)) (== netstandard1.6)
      System.Runtime.Extensions (>= 4.3) - restriction: || (&& (== net40) (>= netstandard1.3)) (&& (== net45) (>= netstandard1.3)) (== netstandard1.6)
      System.Text.Encoding (>= 4.3) - restriction: || (&& (== net40) (>= netstandard1.3)) (&& (== net45) (>= netstandard1.3)) (== netstandard1.6)
      System.Threading (>= 4.3) - restriction: || (&& (== net40) (>= netstandard1.3)) (&& (== net45) (>= netstandard1.3)) (== netstandard1.6)
      System.Xml.ReaderWriter (>= 4.3) - restriction: || (&& (== net40) (>= netstandard1.3)) (&& (== net45) (>= netstandard1.3)) (== netstandard1.6)
